RESTRICTION: == net45
NUGET
  remote: https://vrvis.myget.org/F/aardvark_public/api/v3/index.json
    Aardvark.Base (3.0.54)
      DevILSharp (>= 0.1.1 < 0.2)
    Aardvark.Base.Essentials (3.0.54)
      Aardvark.Base (3.0.54)
      DevILSharp (>= 0.1.1 < 0.2)
      System.Collections.Immutable (>= 1.2)
      System.Reactive.Linq (>= 3.0 < 3.1)
    Aardvark.Base.FSharp (3.0.54)
      Aardvark.Base (3.0.54)
      DevILSharp (>= 0.1.1 < 0.2)
      FSharp.Core (>= 4.0 < 4.1)
    Aardvark.Base.Incremental (3.0.54)
      Aardvark.Base (3.0.54)
      Aardvark.Base.Essentials (3.0.54)
      Aardvark.Base.FSharp (3.0.54)
      DevILSharp (>= 0.1.1 < 0.2)
      FSharp.Core (>= 4.0 < 4.1)
      System.Reactive.Core (>= 3.0 < 3.1)
      System.Reactive.Interfaces (>= 3.0 < 3.1)
      System.Reactive.Linq (>= 3.0 < 3.1)
    Aardvark.Base.Runtime (3.0.54)
      Aardvark.Base (3.0.54)
      Aardvark.Base.Essentials (3.0.54)
      Aardvark.Base.FSharp (3.0.54)
      Aardvark.Base.Incremental (3.0.54)
      DevILSharp (>= 0.1.1 < 0.2)
      FSharp.Core (>= 4.0 < 4.1)
      System.Reactive.Core (>= 3.0 < 3.1)
      System.Reactive.Interfaces (>= 3.0 < 3.1)
      System.Reactive.Linq (>= 3.0 < 3.1)
    FShade (3.3.22)
      FShade.Core (3.3.22)
      FShade.GLSL (3.3.22)
      FShade.Imperative (3.3.22)
      FShade.SpirV (3.3.22)
    FShade.Core (3.3.22)
      Aardvark.Base (>= 3.0.48 < 3.1)
      Aardvark.Base.FSharp (>= 3.0.48 < 3.1)
      FShade.Imperative (>= 3.3.22)
      FSharp.Core (>= 4.0 < 4.1)
    FShade.Debug (3.3.22)
      Aardvark.Base (>= 3.0.48 < 3.1)
      Aardvark.Base.FSharp (>= 3.0.48 < 3.1)
      Aardvark.Base.Incremental (>= 3.0.48 < 3.1)
      FShade.Core (>= 3.3.22)
      FShade.GLSL (>= 3.3.22)
      FShade.Imperative (>= 3.3.22)
      FSharp.Compiler.Service (>= 9.0.1 < 9.1)
      FSharp.Core (>= 4.0 < 4.1)
    FShade.GLSL (3.3.22)
      Aardvark.Base (>= 3.0.48 < 3.1)
      Aardvark.Base.FSharp (>= 3.0.48 < 3.1)
      FShade.Core (>= 3.3.22)
      FShade.Imperative (>= 3.3.22)
      FSharp.Core (>= 4.0 < 4.1)
    FShade.Imperative (3.3.22)
      Aardvark.Base (>= 3.0.48 < 3.1)
      Aardvark.Base.FSharp (>= 3.0.48 < 3.1)
      FSharp.Core (>= 4.0 < 4.1)
      FsPickler (>= 4.0 < 4.1)
    FShade.SpirV (3.3.22)
      Aardvark.Base (>= 3.0.48 < 3.1)
      Aardvark.Base.FSharp (>= 3.0.48 < 3.1)
      FShade.Core (>= 3.3.22)
      FShade.Imperative (>= 3.3.22)
      FSharp.Core (>= 4.0 < 4.1)
    GLSLangSharp (0.3.9)
      Aardvark.Base (>= 3.0.35)
      Aardvark.Base.FSharp (>= 3.0.35)
      FSharp.Core (>= 4.0.0.1)
    Unofficial.AssimpNet (3.3.3)
    Unofficial.OpenVR (1.0.10)
  remote: https://api.nuget.org/v3/index.json
    Another.Unofficial.Xilium.CefGlue.UnpackNativeDependencies (0.0.13)
      SharpZipLib (>= 0.86 < 0.87)
    BruTile (0.12)
    Clipper (6.4)
    CommonMark.NET (0.12)
    DevILSharp (0.1.2)
      FSharp.Core (>= 4.0 < 4.1)
    DockPanelSuite (2.10.0-beta2)
    DockPanelSuite.ThemeVS2012Light (2.10.0-beta2)
      DockPanelSuite (>= 2.10.0-beta2)
    DockPanelSuite.ThemeVS2013Blue (2.10.0-beta2)
      DockPanelSuite (>= 2.10.0-beta2)
    FSharp.Charting (0.90.14)
    FSharp.Compiler.Service (9.0.1)
      System.Collections.Immutable (>= 1.2)
      System.Reflection.Metadata (>= 1.4.1-beta-24227-04)
    FSharp.Compiler.Tools (4.1.29)
    FSharp.Core (4.0.0.1)
    FSharp.Quotations.Evaluator (1.0.7)
    FsPickler (4.0.1)
      FSharp.Compiler.Tools
      FSharp.Core (>= 3.1)
    FsUnit (2.4.0-alpha-2)
    Microsoft.NETCore.Platforms (2.0.1)
    NanoVgSharp (2.1)
      Aardvark.Base (>= 2.1)
      Aardvark.Base.FSharp (>= 2.1)
      Aardvark.Base.Incremental (>= 2.1)
    NETStandard.Library (2.0.1)
      Microsoft.NETCore.Platforms (>= 1.1)
      System.Runtime.InteropServices.RuntimeInformation (>= 4.3)
    NUnit (3.6.1)
    NUnit.Console (3.6.1)
      NUnit.ConsoleRunner (>= 3.6.1)
      NUnit.Extension.NUnitProjectLoader (>= 3.5)
      NUnit.Extension.NUnitV2Driver (>= 3.6)
      NUnit.Extension.NUnitV2ResultWriter (>= 3.5)
      NUnit.Extension.TeamCityEventListener (>= 1.0.2)
      NUnit.Extension.VSProjectLoader (>= 3.5)
    NUnit.ConsoleRunner (3.7)
    NUnit.Extension.NUnitProjectLoader (3.6)
    NUnit.Extension.NUnitV2Driver (3.7)
    NUnit.Extension.NUnitV2ResultWriter (3.6)
    NUnit.Extension.TeamCityEventListener (1.0.2)
    NUnit.Extension.VSProjectLoader (3.6)
    OpenHardwareMonitor (0.7.1)
    SharpDX (4.0.1)
    SharpDX.Direct3D9 (4.0.1)
      SharpDX (>= 4.0.1)
    SharpZipLib (0.86)
    System.Collections.Immutable (1.4)
      NETStandard.Library (>= 1.6.1)
    System.Reactive.Core (3.0)
      System.Reactive.Interfaces (>= 3.0)
    System.Reactive.Interfaces (3.0)
    System.Reactive.Linq (3.0)
      System.Reactive.Core (>= 3.0)
      System.Reactive.Interfaces (>= 3.0)
    System.Reflection.Metadata (1.5)
      NETStandard.Library (>= 1.6.1)
      System.Collections.Immutable (>= 1.4)
    System.Runtime.InteropServices.RuntimeInformation (4.3)
    Unofficial.LibTessDotNet (1.0.2)

GROUP Build
CONTENT: NONE
RESTRICTION: == net45
NUGET
  remote: https://api.nuget.org/v3/index.json
    FAKE (4.63.2) - content: none
    Mono.Cecil (0.10.0-beta7) - content: none
    SourceLink.Fake (1.1) - content: none
GITHUB
  remote: aardvark-platform/aardvark.fake
    FULLPROJECT (0bd495d19630a51f886fb4a2374f64fe9088f09d)
      FAKE (>= 4.63 < 4.64)
      Mono.Cecil (>= 0.10.0-beta6 < 0.11)
      SourceLink.Fake (>= 1.1 < 1.2)