STORAGE: NONE
RESTRICTION: || (== net471) (== net6.0) (== netcoreapp3.1) (== netstandard2.0)
NUGET
  remote: https://api.nuget.org/v3/index.json
    Aardium (2.0.9)
      FSharp.Core (>= 4.7)
      FSys (>= 0.0.1 < 0.1)
    Aardvark.Base (5.2.7)
      Aardvark.Base.Telemetry (5.2.7)
      System.Collections.Immutable (>= 5.0)
      System.Reflection.Metadata (>= 5.0) - restriction: || (== net471) (&& (== net6.0) (< netcoreapp3.1)) (== netstandard2.0)
      System.Text.Json (>= 4.7.2)
    Aardvark.Base.Essentials (5.2.7)
      Aardvark.Base (5.2.7)
      System.Collections.Immutable (>= 5.0)
    Aardvark.Base.FSharp (5.2.7)
      Aardvark.Base (5.2.7)
      Aardvark.Base.TypeProviders (>= 4.5.15 < 4.6)
      FSharp.Core (>= 5.0)
      FSharp.Data.Adaptive (>= 1.2 < 1.3)
      FsPickler (>= 5.3.2 < 5.4)
      System.Dynamic.Runtime (>= 4.3 < 4.4)
    Aardvark.Base.Incremental (5.2.7)
      Aardvark.Base (5.2.7)
      Aardvark.Base.FSharp (5.2.7)
      Aardvark.Base.TypeProviders (>= 4.5.15 < 4.6)
      FSharp.Core (>= 5.0)
      FSharp.Data.Adaptive (>= 1.2 < 1.3)
      FsPickler (>= 5.3.2 < 5.4)
    Aardvark.Base.IO (5.2.7)
      Aardvark.Base (5.2.7)
      Aardvark.Base.Tensors (5.2.7)
      System.Dynamic.Runtime (>= 4.3 < 4.4)
    Aardvark.Base.Runtime (5.2.7)
      Aardvark.Base.FSharp (5.2.7)
      Aardvark.Base.Incremental (5.2.7)
      Aardvark.Base.TypeProviders (>= 4.5.15 < 4.6)
      FSharp.Core (>= 5.0)
      FSharp.Data.Adaptive (>= 1.2 < 1.3)
      FsPickler (>= 5.3.2 < 5.4)
    Aardvark.Base.Telemetry (5.2.7)
    Aardvark.Base.Tensors (5.2.7)
      Aardvark.Base (5.2.7)
      Aardvark.Base.FSharp (5.2.7)
      FSharp.Core (>= 5.0)
      SixLabors.ImageSharp (>= 2.0 < 2.1)
    Aardvark.Base.TypeProviders (4.5.15)
      FSharp.Core (>= 3.1.2.5) - restriction: || (== net471) (&& (== net6.0) (>= net45)) (&& (== netcoreapp3.1) (>= net45)) (&& (== netstandard2.0) (>= net45))
      FSharp.Core (>= 4.2.3) - restriction: || (&& (== net471) (< net45)) (== net6.0) (== netcoreapp3.1) (== netstandard2.0)
    Aardvark.Build (1.0.11)
    Aardvark.Geometry (5.2.7)
      Aardvark.Base (5.2.7)
      Aardvark.Base.FSharp (5.2.7)
      Aardvark.Base.Tensors (5.2.7)
      Aardvark.Base.TypeProviders (>= 4.5.15 < 4.6)
      FSharp.Core (>= 5.0)
      FSharp.Data.Adaptive (>= 1.2 < 1.3)
      FsPickler (>= 5.3.2 < 5.4)
      Unofficial.LibTessDotNet (>= 2.0.2 < 2.1)
    AssimpNet (5.0.0-beta1)
      NETStandard.Library (>= 1.6.1) - restriction: || (&& (== net471) (< net35)) (== net6.0) (== netcoreapp3.1) (== netstandard2.0)
    BlackFox.VsWhere (1.0)
      FSharp.Core (>= 4.0.0.1) - restriction: || (== net471) (&& (== net6.0) (>= net45)) (&& (== netcoreapp3.1) (>= net45)) (&& (== netstandard2.0) (>= net45))
      FSharp.Core (>= 4.2.3) - restriction: || (&& (== net471) (< net45)) (== net6.0) (== netcoreapp3.1) (== netstandard2.0)
    CommonMark.NET (0.15.1)
    CSharp.Data.Adaptive (1.2.13)
      FSharp.Core (>= 4.7)
      FSharp.Data.Adaptive (1.2.13)
      System.Reflection.Emit.Lightweight (>= 4.6)
    Dotnet.ProjInfo (0.36)
      FSharp.Core (>= 4.6.2)
      System.ValueTuple (>= 4.4)
    Dotnet.ProjInfo.Workspace (0.36)
      Dotnet.ProjInfo (>= 0.36)
      FSharp.Core (>= 4.6.2)
      Sln (>= 0.3)
    FShade (5.2.9)
      FShade.Core (5.2.9)
      FShade.GLSL (5.2.9)
      FShade.Imperative (5.2.9)
      FShade.SpirV (5.2.9)
    FShade.Core (5.2.9)
      Aardvark.Base (>= 5.2 < 5.3)
      Aardvark.Base.FSharp (>= 5.2 < 5.3)
      FShade.Imperative (5.2.9)
      FSharp.Core (>= 5.0)
    FShade.Debug (5.2.9)
      Aardvark.Base (>= 5.2 < 5.3)
      Aardvark.Base.FSharp (>= 5.2 < 5.3)
      BlackFox.VsWhere (>= 1.0 < 1.1)
      Dotnet.ProjInfo (>= 0.36 < 0.37)
      Dotnet.ProjInfo.Workspace (>= 0.36 < 0.37)
      FShade.Core (5.2.9)
      FShade.Imperative (5.2.9)
      FSharp.Compiler.Service (>= 34.1.1 < 34.2)
      FSharp.Core (>= 5.0)
    FShade.GLSL (5.2.9)
      Aardvark.Base (>= 5.2 < 5.3)
      Aardvark.Base.FSharp (>= 5.2 < 5.3)
      FShade.Core (5.2.9)
      FShade.Imperative (5.2.9)
      FSharp.Core (>= 5.0)
    FShade.Imperative (5.2.9)
      Aardvark.Base (>= 5.2 < 5.3)
      Aardvark.Base.FSharp (>= 5.2 < 5.3)
      FSharp.Core (>= 5.0)
      FsPickler (>= 5.3.2 < 5.4)
    FShade.SpirV (5.2.9)
      Aardvark.Base (>= 5.2 < 5.3)
      Aardvark.Base.FSharp (>= 5.2 < 5.3)
      FShade.Core (5.2.9)
      FShade.Imperative (5.2.9)
      FSharp.Core (>= 5.0)
    FSharp.Compiler.Service (34.1.1)
      FSharp.Core (>= 4.6.2)
      System.Buffers (>= 4.5)
      System.Collections.Immutable (>= 1.5)
      System.Diagnostics.Process (>= 4.1) - restriction: || (&& (== net471) (< net461)) (== net6.0) (== netcoreapp3.1) (== netstandard2.0)
      System.Diagnostics.TraceSource (>= 4.0) - restriction: || (&& (== net471) (< net461)) (== net6.0) (== netcoreapp3.1) (== netstandard2.0)
      System.Memory (>= 4.5.3)
      System.Reflection.Emit (>= 4.3) - restriction: || (&& (== net471) (< net461)) (== net6.0) (== netcoreapp3.1) (== netstandard2.0)
      System.Reflection.Metadata (>= 1.6)
      System.Reflection.TypeExtensions (>= 4.3) - restriction: || (&& (== net471) (< net461)) (== net6.0) (== netcoreapp3.1) (== netstandard2.0)
      System.Runtime.Loader (>= 4.0) - restriction: || (&& (== net471) (< net461)) (== net6.0) (== netcoreapp3.1) (== netstandard2.0)
      System.Security.Cryptography.Algorithms (>= 4.3) - restriction: || (&& (== net471) (< net461)) (== net6.0) (== netcoreapp3.1) (== netstandard2.0)
      System.ValueTuple (>= 4.4) - restriction: || (== net471) (&& (== net6.0) (>= net461)) (&& (== netcoreapp3.1) (>= net461)) (&& (== netstandard2.0) (>= net461))
    FSharp.Core (5.0)
    FSharp.Data.Adaptive (1.2.13)
      FSharp.Core (>= 4.7)
      System.Reflection.Emit.Lightweight (>= 4.6)
    FsPickler (5.3.2)
      FSharp.Core (>= 4.3.2)
      System.Reflection.Emit.Lightweight (>= 4.3) - restriction: || (&& (== net471) (< net45)) (== net6.0) (== netcoreapp3.1) (== netstandard2.0)
    FSys (0.0.1)
      FSharp.Core (>= 4.7)
    GLSLangSharp (0.4.14)
      FSharp.Core (>= 5.0)
    Microsoft.Bcl.AsyncInterfaces (5.0) - restriction: || (== net471) (&& (== net6.0) (>= monoandroid) (< netstandard1.3)) (&& (== net6.0) (>= monoandroid) (< netstandard2.0)) (&& (== net6.0) (>= monotouch)) (&& (== net6.0) (>= net461)) (&& (== net6.0) (< netcoreapp2.0)) (&& (== net6.0) (< netcoreapp2.1)) (&& (== net6.0) (< netcoreapp3.0)) (&& (== net6.0) (< netstandard2.0) (>= xamarintvos)) (&& (== net6.0) (< netstandard2.0) (>= xamarinwatchos)) (&& (== net6.0) (>= uap10.1)) (&& (== netcoreapp3.1) (>= monoandroid) (< netstandard2.0)) (&& (== netcoreapp3.1) (>= monotouch)) (&& (== netcoreapp3.1) (>= net461)) (&& (== netcoreapp3.1) (< netcoreapp2.0)) (&& (== netcoreapp3.1) (< netcoreapp2.1)) (&& (== netcoreapp3.1) (< netcoreapp3.0)) (&& (== netcoreapp3.1) (< netstandard2.0) (>= xamarintvos)) (&& (== netcoreapp3.1) (< netstandard2.0) (>= xamarinwatchos)) (&& (== netcoreapp3.1) (>= uap10.1)) (== netstandard2.0)
      System.Threading.Tasks.Extensions (>= 4.5.4) - restriction: || (== net471) (&& (== net6.0) (>= net461)) (&& (== net6.0) (< netcoreapp2.1) (< netstandard2.1)) (&& (== netcoreapp3.1) (>= net461)) (&& (== netcoreapp3.1) (< netcoreapp2.1) (< netstandard2.1)) (== netstandard2.0)
    Microsoft.Bcl.HashCode (1.1.1) - restriction: || (== net471) (&& (== net6.0) (< netstandard2.1)) (&& (== netcoreapp3.1) (< netstandard2.1)) (== netstandard2.0)
    Microsoft.CSharp (4.7)
    Microsoft.DotNet.PlatformAbstractions (3.1.6)
      System.Runtime.InteropServices.RuntimeInformation (>= 4.0) - restriction: || (== net471) (&& (== net6.0) (>= net45)) (&& (== net6.0) (< netstandard2.0)) (&& (== netcoreapp3.1) (>= net45)) (&& (== netcoreapp3.1) (< netstandard2.0)) (&& (== netstandard2.0) (>= net45))
    Microsoft.Extensions.DependencyModel (5.0)
      System.Buffers (>= 4.5.1) - restriction: || (== net471) (&& (== net6.0) (>= monoandroid) (< netstandard1.3)) (&& (== net6.0) (>= monotouch)) (&& (== net6.0) (>= net461)) (&& (== net6.0) (< netcoreapp2.0)) (&& (== net6.0) (< netstandard2.0) (>= xamarintvos)) (&& (== net6.0) (< netstandard2.0) (>= xamarinwatchos)) (&& (== netcoreapp3.1) (>= monoandroid) (< netstandard1.3)) (&& (== netcoreapp3.1) (>= monotouch)) (&& (== netcoreapp3.1) (>= net461)) (&& (== netcoreapp3.1) (< netcoreapp2.0)) (&& (== netcoreapp3.1) (< netstandard2.0) (>= xamarintvos)) (&& (== netcoreapp3.1) (< netstandard2.0) (>= xamarinwatchos)) (== netstandard2.0)
      System.Memory (>= 4.5.4) - restriction: || (== net471) (&& (== net6.0) (>= net461)) (&& (== net6.0) (< netcoreapp2.0)) (&& (== net6.0) (< netcoreapp2.1)) (&& (== net6.0) (>= uap10.1)) (&& (== netcoreapp3.1) (>= net461)) (&& (== netcoreapp3.1) (< netcoreapp2.0)) (&& (== netcoreapp3.1) (< netcoreapp2.1)) (&& (== netcoreapp3.1) (>= uap10.1)) (== netstandard2.0)
      System.Runtime.InteropServices.RuntimeInformation (>= 4.3) - restriction: || (== net471) (&& (== net6.0) (>= net461)) (&& (== netcoreapp3.1) (>= net461)) (&& (== netstandard2.0) (>= net461))
      System.Text.Encodings.Web (>= 5.0) - restriction: || (== net471) (&& (== net6.0) (>= monoandroid) (< netstandard1.3)) (&& (== net6.0) (>= monotouch)) (&& (== net6.0) (>= net461)) (&& (== net6.0) (< net5.0)) (&& (== net6.0) (< netcoreapp2.0)) (&& (== net6.0) (< netcoreapp2.1)) (&& (== net6.0) (< netstandard2.0) (>= xamarintvos)) (&& (== net6.0) (< netstandard2.0) (>= xamarinwatchos)) (&& (== net6.0) (>= uap10.1)) (== netcoreapp3.1) (== netstandard2.0)
      System.Text.Json (>= 5.0) - restriction: || (== net471) (&& (== net6.0) (>= monoandroid) (< netstandard1.3)) (&& (== net6.0) (>= monotouch)) (&& (== net6.0) (>= net461)) (&& (== net6.0) (< net5.0)) (&& (== net6.0) (< netcoreapp2.0)) (&& (== net6.0) (< netcoreapp2.1)) (&& (== net6.0) (< netstandard2.0) (>= xamarintvos)) (&& (== net6.0) (< netstandard2.0) (>= xamarinwatchos)) (&& (== net6.0) (>= uap10.1)) (== netcoreapp3.1) (== netstandard2.0)
    Microsoft.NETCore.App (2.2.8) - restriction: || (&& (== net471) (>= netcoreapp1.0)) (== net6.0) (== netcoreapp3.1) (&& (== netstandard2.0) (>= netcoreapp1.0))
      Microsoft.NETCore.DotNetHostPolicy (>= 2.2.8) - restriction: || (&& (== net471) (>= netcoreapp2.2)) (== net6.0) (== netcoreapp3.1) (&& (== netstandard2.0) (>= netcoreapp2.2))
      Microsoft.NETCore.Platforms (>= 2.2.4) - restriction: || (&& (== net471) (>= netcoreapp2.2)) (== net6.0) (== netcoreapp3.1) (&& (== netstandard2.0) (>= netcoreapp2.2))
      Microsoft.NETCore.Targets (>= 2.0) - restriction: || (&& (== net471) (>= netcoreapp2.2)) (== net6.0) (== netcoreapp3.1) (&& (== netstandard2.0) (>= netcoreapp2.2))
      NETStandard.Library (>= 2.0.3) - restriction: || (&& (== net471) (>= netcoreapp2.2)) (== net6.0) (== netcoreapp3.1) (&& (== netstandard2.0) (>= netcoreapp2.2))
    Microsoft.NETCore.DotNetAppHost (5.0.9) - restriction: || (&& (== net471) (>= netcoreapp2.2)) (== net6.0) (== netcoreapp3.1) (&& (== netstandard2.0) (>= netcoreapp2.2))
    Microsoft.NETCore.DotNetHostPolicy (5.0.9) - restriction: || (&& (== net471) (>= netcoreapp2.2)) (== net6.0) (== netcoreapp3.1) (&& (== netstandard2.0) (>= netcoreapp2.2))
      Microsoft.NETCore.DotNetHostResolver (>= 5.0.9)
    Microsoft.NETCore.DotNetHostResolver (5.0.9) - restriction: || (&& (== net471) (>= netcoreapp2.2)) (== net6.0) (== netcoreapp3.1) (&& (== netstandard2.0) (>= netcoreapp2.2))
      Microsoft.NETCore.DotNetAppHost (>= 5.0.9)
    Microsoft.NETCore.Platforms (5.0.2) - restriction: || (&& (== net471) (< net45)) (&& (== net471) (>= net5.0)) (&& (== net471) (>= netcoreapp2.0)) (== net6.0) (== netcoreapp3.1) (== netstandard2.0)
    Microsoft.NETCore.Targets (5.0) - restriction: || (&& (== net471) (< net45)) (&& (== net471) (>= netcoreapp2.2)) (== net6.0) (== netcoreapp3.1) (== netstandard2.0)
    Microsoft.NETFramework.ReferenceAssemblies (1.0)
      Microsoft.NETFramework.ReferenceAssemblies.net471 (>= 1.0) - restriction: || (== net471) (&& (== net6.0) (>= net471)) (&& (== netcoreapp3.1) (>= net471)) (&& (== netstandard2.0) (>= net471))
    Microsoft.NETFramework.ReferenceAssemblies.net471 (1.0.2) - restriction: || (== net471) (&& (== net6.0) (>= net471)) (&& (== netcoreapp3.1) (>= net471)) (&& (== netstandard2.0) (>= net471))
    Microsoft.Win32.Primitives (4.3) - restriction: || (&& (== net471) (< net46)) (== net6.0) (== netcoreapp3.1) (== netstandard2.0)
      Microsoft.NETCore.Platforms (>= 1.1) - restriction: || (&& (== net471) (< net46)) (== net6.0) (== netcoreapp3.1) (== netstandard2.0)
      Microsoft.NETCore.Targets (>= 1.1) - restriction: || (&& (== net471) (< net46)) (== net6.0) (== netcoreapp3.1) (== netstandard2.0)
      System.Runtime (>= 4.3) - restriction: || (&& (== net471) (< net46)) (== net6.0) (== netcoreapp3.1) (== netstandard2.0)
    Microsoft.Win32.Registry (5.0) - restriction: || (&& (== net471) (< net46)) (== net6.0) (== netcoreapp3.1) (== netstandard2.0)
      System.Buffers (>= 4.5.1) - restriction: || (&& (== net471) (>= monoandroid) (< netstandard1.3)) (&& (== net471) (>= monotouch)) (&& (== net471) (< net46)) (&& (== net471) (>= xamarinios)) (&& (== net471) (>= xamarinmac)) (&& (== net471) (>= xamarintvos)) (&& (== net471) (>= xamarinwatchos)) (&& (== net6.0) (>= monoandroid) (< netstandard1.3)) (&& (== net6.0) (>= monotouch)) (&& (== net6.0) (< netcoreapp2.0)) (&& (== net6.0) (>= xamarinios)) (&& (== net6.0) (>= xamarinmac)) (&& (== net6.0) (>= xamarintvos)) (&& (== net6.0) (>= xamarinwatchos)) (&& (== netcoreapp3.1) (>= monoandroid) (< netstandard1.3)) (&& (== netcoreapp3.1) (>= monotouch)) (&& (== netcoreapp3.1) (< netcoreapp2.0)) (&& (== netcoreapp3.1) (>= xamarinios)) (&& (== netcoreapp3.1) (>= xamarinmac)) (&& (== netcoreapp3.1) (>= xamarintvos)) (&& (== netcoreapp3.1) (>= xamarinwatchos)) (== netstandard2.0)
      System.Memory (>= 4.5.4) - restriction: || (&& (== net471) (< net46)) (&& (== net471) (>= netcoreapp2.0)) (&& (== net471) (>= uap10.1)) (&& (== net6.0) (< netcoreapp2.0)) (&& (== net6.0) (< netcoreapp2.1)) (&& (== net6.0) (>= uap10.1)) (&& (== netcoreapp3.1) (< netcoreapp2.0)) (&& (== netcoreapp3.1) (< netcoreapp2.1)) (&& (== netcoreapp3.1) (>= uap10.1)) (== netstandard2.0)
      System.Security.AccessControl (>= 5.0)
      System.Security.Principal.Windows (>= 5.0)
    NETStandard.Library (2.0.3) - restriction: || (&& (== net471) (< net35)) (&& (== net471) (< net40)) (&& (== net471) (>= netcoreapp2.2)) (== net6.0) (== netcoreapp3.1) (== netstandard2.0)
      Microsoft.NETCore.Platforms (>= 1.1)
    Newtonsoft.Json (13.0.1)
    Offler (2.0.9)
      Aardium (2.0.9)
      Aardvark.Base.Tensors (>= 5.1.9)
      FSharp.Core (>= 4.7)
      FSys (>= 0.0.1 < 0.1)
      Newtonsoft.Json (>= 12.0.3)
    runtime.debian.8-x64.runtime.native.System.Security.Cryptography.OpenSsl (4.3.3) - restriction: || (&& (== net471) (< net46)) (== net6.0) (== netcoreapp3.1) (== netstandard2.0)
    runtime.debian.9-x64.runtime.native.System.Security.Cryptography.OpenSsl (4.3.3) - restriction: || (&& (== net471) (< net46)) (== net6.0) (== netcoreapp3.1) (== netstandard2.0)
    runtime.fedora.23-x64.runtime.native.System.Security.Cryptography.OpenSsl (4.3.3) - restriction: || (&& (== net471) (< net46)) (== net6.0) (== netcoreapp3.1) (== netstandard2.0)
    runtime.fedora.24-x64.runtime.native.System.Security.Cryptography.OpenSsl (4.3.3) - restriction: || (&& (== net471) (< net46)) (== net6.0) (== netcoreapp3.1) (== netstandard2.0)
    runtime.fedora.27-x64.runtime.native.System.Security.Cryptography.OpenSsl (4.3.3) - restriction: || (&& (== net471) (< net46)) (== net6.0) (== netcoreapp3.1) (== netstandard2.0)
    runtime.fedora.28-x64.runtime.native.System.Security.Cryptography.OpenSsl (4.3.3) - restriction: || (&& (== net471) (< net46)) (== net6.0) (== netcoreapp3.1) (== netstandard2.0)
    runtime.native.System (4.3.1) - restriction: || (&& (== net471) (< net46)) (== net6.0) (== netcoreapp3.1) (== netstandard2.0)
      Microsoft.NETCore.Platforms (>= 1.1.1)
      Microsoft.NETCore.Targets (>= 1.1.3)
    runtime.native.System.Security.Cryptography.Apple (4.3.1) - restriction: || (&& (== net471) (< net46)) (== net6.0) (== netcoreapp3.1) (== netstandard2.0)
      runtime.osx.10.10-x64.runtime.native.System.Security.Cryptography.Apple (>= 4.3.1)
    runtime.native.System.Security.Cryptography.OpenSsl (4.3.3) - restriction: || (&& (== net471) (< net46)) (== net6.0) (== netcoreapp3.1) (== netstandard2.0)
      runtime.debian.8-x64.runtime.native.System.Security.Cryptography.OpenSsl (>= 4.3.3)
      runtime.debian.9-x64.runtime.native.System.Security.Cryptography.OpenSsl (>= 4.3.3)
      runtime.fedora.23-x64.runtime.native.System.Security.Cryptography.OpenSsl (>= 4.3.3)
      runtime.fedora.24-x64.runtime.native.System.Security.Cryptography.OpenSsl (>= 4.3.3)
      runtime.fedora.27-x64.runtime.native.System.Security.Cryptography.OpenSsl (>= 4.3.3)
      runtime.fedora.28-x64.runtime.native.System.Security.Cryptography.OpenSsl (>= 4.3.3)
      runtime.opensuse.13.2-x64.runtime.native.System.Security.Cryptography.OpenSsl (>= 4.3.3)
      runtime.opensuse.42.1-x64.runtime.native.System.Security.Cryptography.OpenSsl (>= 4.3.3)
      runtime.opensuse.42.3-x64.runtime.native.System.Security.Cryptography.OpenSsl (>= 4.3.3)
      runtime.osx.10.10-x64.runtime.native.System.Security.Cryptography.OpenSsl (>= 4.3.3)
      runtime.rhel.7-x64.runtime.native.System.Security.Cryptography.OpenSsl (>= 4.3.3)
      runtime.ubuntu.14.04-x64.runtime.native.System.Security.Cryptography.OpenSsl (>= 4.3.3)
      runtime.ubuntu.16.04-x64.runtime.native.System.Security.Cryptography.OpenSsl (>= 4.3.3)
      runtime.ubuntu.16.10-x64.runtime.native.System.Security.Cryptography.OpenSsl (>= 4.3.3)
      runtime.ubuntu.18.04-x64.runtime.native.System.Security.Cryptography.OpenSsl (>= 4.3.3)
    runtime.opensuse.13.2-x64.runtime.native.System.Security.Cryptography.OpenSsl (4.3.3) - restriction: || (&& (== net471) (< net46)) (== net6.0) (== netcoreapp3.1) (== netstandard2.0)
    runtime.opensuse.42.1-x64.runtime.native.System.Security.Cryptography.OpenSsl (4.3.3) - restriction: || (&& (== net471) (< net46)) (== net6.0) (== netcoreapp3.1) (== netstandard2.0)
    runtime.opensuse.42.3-x64.runtime.native.System.Security.Cryptography.OpenSsl (4.3.3) - restriction: || (&& (== net471) (< net46)) (== net6.0) (== netcoreapp3.1) (== netstandard2.0)
    runtime.osx.10.10-x64.runtime.native.System.Security.Cryptography.Apple (4.3.1) - restriction: || (&& (== net471) (< net46)) (== net6.0) (== netcoreapp3.1) (== netstandard2.0)
    runtime.osx.10.10-x64.runtime.native.System.Security.Cryptography.OpenSsl (4.3.3) - restriction: || (&& (== net471) (< net46)) (== net6.0) (== netcoreapp3.1) (== netstandard2.0)
    runtime.rhel.7-x64.runtime.native.System.Security.Cryptography.OpenSsl (4.3.3) - restriction: || (&& (== net471) (< net46)) (== net6.0) (== netcoreapp3.1) (== netstandard2.0)
    runtime.ubuntu.14.04-x64.runtime.native.System.Security.Cryptography.OpenSsl (4.3.3) - restriction: || (&& (== net471) (< net46)) (== net6.0) (== netcoreapp3.1) (== netstandard2.0)
    runtime.ubuntu.16.04-x64.runtime.native.System.Security.Cryptography.OpenSsl (4.3.3) - restriction: || (&& (== net471) (< net46)) (== net6.0) (== netcoreapp3.1) (== netstandard2.0)
    runtime.ubuntu.16.10-x64.runtime.native.System.Security.Cryptography.OpenSsl (4.3.3) - restriction: || (&& (== net471) (< net46)) (== net6.0) (== netcoreapp3.1) (== netstandard2.0)
    runtime.ubuntu.18.04-x64.runtime.native.System.Security.Cryptography.OpenSsl (4.3.3) - restriction: || (&& (== net471) (< net46)) (== net6.0) (== netcoreapp3.1) (== netstandard2.0)
    SharpDX (4.2)
      NETStandard.Library (>= 1.6.1) - restriction: || (&& (== net471) (< net40)) (== net6.0) (== netcoreapp3.1) (== netstandard2.0)
    SharpDX.Direct3D9 (4.0.1)
      Microsoft.NETCore.App (>= 1.0.5) - restriction: || (&& (== net471) (>= netcoreapp1.0)) (== net6.0) (== netcoreapp3.1) (&& (== netstandard2.0) (>= netcoreapp1.0))
      NETStandard.Library (>= 1.6.1) - restriction: || (&& (== net471) (< net40)) (&& (== net6.0) (< netcoreapp1.0)) (&& (== netcoreapp3.1) (< netcoreapp1.0)) (== netstandard2.0)
      SharpDX (>= 4.0.1)
    SharpZipLib (1.2)
    Silk.NET.Core (2.15)
      Microsoft.Bcl.HashCode (>= 1.1.1) - restriction: || (== net471) (&& (== net6.0) (< netstandard2.1)) (&& (== netcoreapp3.1) (< netstandard2.1)) (== netstandard2.0)
      Microsoft.CSharp (>= 4.7)
      Microsoft.DotNet.PlatformAbstractions (>= 3.1.6)
      Microsoft.Extensions.DependencyModel (>= 5.0)
      System.Memory (>= 4.5.4)
      System.Numerics.Vectors (>= 4.5)
      System.Runtime.CompilerServices.Unsafe (>= 6.0)
    Silk.NET.GLFW (2.15)
      Silk.NET.Core (>= 2.15)
      Ultz.Native.GLFW (>= 3.3.3.1)
    SixLabors.ImageSharp (2.0)
      System.Buffers (>= 4.5.1) - restriction: || (== net471) (&& (== net6.0) (>= net472)) (&& (== net6.0) (< netcoreapp2.1)) (&& (== netcoreapp3.1) (>= net472)) (&& (== netcoreapp3.1) (< netcoreapp2.1)) (== netstandard2.0)
      System.Memory (>= 4.5.4) - restriction: || (== net471) (&& (== net6.0) (>= net472)) (&& (== net6.0) (< netcoreapp2.1)) (&& (== netcoreapp3.1) (>= net472)) (&& (== netcoreapp3.1) (< netcoreapp2.1)) (== netstandard2.0)
      System.Numerics.Vectors (>= 4.5) - restriction: || (== net471) (&& (== net6.0) (>= net472)) (&& (== net6.0) (< netcoreapp2.1)) (&& (== netcoreapp3.1) (>= net472)) (&& (== netcoreapp3.1) (< netcoreapp2.1)) (== netstandard2.0)
      System.Runtime.CompilerServices.Unsafe (>= 5.0)
      System.Text.Encoding.CodePages (>= 5.0)
    Sln (0.3)
    System.Buffers (4.5.1)
    System.Collections (4.3) - restriction: || (&& (== net471) (< net45)) (== net6.0) (== netcoreapp3.1) (== netstandard2.0)
      Microsoft.NETCore.Platforms (>= 1.1) - restriction: || (&& (== net471) (< net45)) (== net6.0) (== netcoreapp3.1) (== netstandard2.0)
      Microsoft.NETCore.Targets (>= 1.1) - restriction: || (&& (== net471) (< net45)) (== net6.0) (== netcoreapp3.1) (== netstandard2.0)
      System.Runtime (>= 4.3) - restriction: || (&& (== net471) (< net45)) (== net6.0) (== netcoreapp3.1) (== netstandard2.0)
    System.Collections.Concurrent (4.3) - restriction: || (&& (== net471) (< net46)) (== net6.0) (== netcoreapp3.1) (== netstandard2.0)
      System.Collections (>= 4.3) - restriction: || (&& (== net471) (< net45)) (== net6.0) (== netcoreapp3.1) (== netstandard2.0)
      System.Diagnostics.Debug (>= 4.3) - restriction: || (&& (== net471) (< net45)) (== net6.0) (== netcoreapp3.1) (== netstandard2.0)
      System.Diagnostics.Tracing (>= 4.3) - restriction: || (&& (== net471) (< net45)) (== net6.0) (== netcoreapp3.1) (== netstandard2.0)
      System.Globalization (>= 4.3) - restriction: || (&& (== net471) (< net45)) (== net6.0) (== netcoreapp3.1) (== netstandard2.0)
      System.Reflection (>= 4.3) - restriction: || (&& (== net471) (< net45)) (== net6.0) (== netcoreapp3.1) (== netstandard2.0)
      System.Resources.ResourceManager (>= 4.3) - restriction: || (&& (== net471) (< net45)) (== net6.0) (== netcoreapp3.1) (== netstandard2.0)
      System.Runtime (>= 4.3) - restriction: || (&& (== net471) (< net45)) (== net6.0) (== netcoreapp3.1) (== netstandard2.0)
      System.Runtime.Extensions (>= 4.3) - restriction: || (&& (== net471) (< net45)) (== net6.0) (== netcoreapp3.1) (== netstandard2.0)
      System.Threading (>= 4.3) - restriction: || (&& (== net471) (< net45)) (== net6.0) (== netcoreapp3.1) (== netstandard2.0)
      System.Threading.Tasks (>= 4.3) - restriction: || (&& (== net471) (< net45)) (== net6.0) (== netcoreapp3.1) (== netstandard2.0)
    System.Collections.Immutable (5.0)
      System.Memory (>= 4.5.4) - restriction: || (== net471) (&& (== net6.0) (>= net461)) (&& (== net6.0) (< netcoreapp2.1)) (&& (== net6.0) (< netstandard2.0)) (&& (== net6.0) (>= uap10.1)) (&& (== netcoreapp3.1) (>= net461)) (&& (== netcoreapp3.1) (< netcoreapp2.1)) (&& (== netcoreapp3.1) (< netstandard2.0)) (&& (== netcoreapp3.1) (>= uap10.1)) (== netstandard2.0)
    System.Diagnostics.Debug (4.3) - restriction: || (&& (== net471) (< net45)) (== net6.0) (== netcoreapp3.1) (== netstandard2.0)
      Microsoft.NETCore.Platforms (>= 1.1) - restriction: || (&& (== net471) (< net45)) (== net6.0) (== netcoreapp3.1) (== netstandard2.0)
      Microsoft.NETCore.Targets (>= 1.1) - restriction: || (&& (== net471) (< net45)) (== net6.0) (== netcoreapp3.1) (== netstandard2.0)
      System.Runtime (>= 4.3) - restriction: || (&& (== net471) (< net45)) (== net6.0) (== netcoreapp3.1) (== netstandard2.0)
    System.Diagnostics.Process (4.3) - restriction: || (&& (== net471) (< net461)) (== net6.0) (== netcoreapp3.1) (== netstandard2.0)
      Microsoft.NETCore.Platforms (>= 1.1) - restriction: || (&& (== net471) (< net46)) (== net6.0) (== netcoreapp3.1) (== netstandard2.0)
      Microsoft.Win32.Primitives (>= 4.3) - restriction: || (&& (== net471) (< net46)) (== net6.0) (== netcoreapp3.1) (== netstandard2.0)
      Microsoft.Win32.Registry (>= 4.3) - restriction: || (&& (== net471) (< net46)) (== net6.0) (== netcoreapp3.1) (== netstandard2.0)
      runtime.native.System (>= 4.3) - restriction: || (&& (== net471) (< net46)) (== net6.0) (== netcoreapp3.1) (== netstandard2.0)
      System.Collections (>= 4.3) - restriction: || (&& (== net471) (< net46)) (== net6.0) (== netcoreapp3.1) (== netstandard2.0)
      System.Diagnostics.Debug (>= 4.3) - restriction: || (&& (== net471) (< net46)) (== net6.0) (== netcoreapp3.1) (== netstandard2.0)
      System.Globalization (>= 4.3) - restriction: || (&& (== net471) (< net46)) (== net6.0) (== netcoreapp3.1) (== netstandard2.0)
      System.IO (>= 4.3) - restriction: || (&& (== net471) (< net46)) (== net6.0) (== netcoreapp3.1) (== netstandard2.0)
      System.IO.FileSystem (>= 4.3) - restriction: || (&& (== net471) (< net46)) (== net6.0) (== netcoreapp3.1) (== netstandard2.0)
      System.IO.FileSystem.Primitives (>= 4.3) - restriction: || (&& (== net471) (< net46)) (== net6.0) (== netcoreapp3.1) (== netstandard2.0)
      System.Resources.ResourceManager (>= 4.3) - restriction: || (&& (== net471) (< net46)) (== net6.0) (== netcoreapp3.1) (== netstandard2.0)
      System.Runtime (>= 4.3) - restriction: || (&& (== net471) (< net46)) (== net6.0) (== netcoreapp3.1) (== netstandard2.0)
      System.Runtime.Extensions (>= 4.3) - restriction: || (&& (== net471) (< net46)) (== net6.0) (== netcoreapp3.1) (== netstandard2.0)
      System.Runtime.Handles (>= 4.3) - restriction: || (&& (== net471) (< net46)) (== net6.0) (== netcoreapp3.1) (== netstandard2.0)
      System.Runtime.InteropServices (>= 4.3) - restriction: || (&& (== net471) (< net46)) (== net6.0) (== netcoreapp3.1) (== netstandard2.0)
      System.Text.Encoding (>= 4.3) - restriction: || (&& (== net471) (< net46)) (== net6.0) (== netcoreapp3.1) (== netstandard2.0)
      System.Text.Encoding.Extensions (>= 4.3) - restriction: || (&& (== net471) (< net46)) (== net6.0) (== netcoreapp3.1) (== netstandard2.0)
      System.Threading (>= 4.3) - restriction: || (&& (== net471) (< net46)) (== net6.0) (== netcoreapp3.1) (== netstandard2.0)
      System.Threading.Tasks (>= 4.3) - restriction: || (&& (== net471) (< net46)) (== net6.0) (== netcoreapp3.1) (== netstandard2.0)
      System.Threading.Thread (>= 4.3) - restriction: || (&& (== net471) (< net46)) (== net6.0) (== netcoreapp3.1) (== netstandard2.0)
      System.Threading.ThreadPool (>= 4.3) - restriction: || (&& (== net471) (< net46)) (== net6.0) (== netcoreapp3.1) (== netstandard2.0)
    System.Diagnostics.TraceSource (4.3) - restriction: || (&& (== net471) (< net461)) (== net6.0) (== netcoreapp3.1) (== netstandard2.0)
      Microsoft.NETCore.Platforms (>= 1.1) - restriction: || (&& (== net471) (< net46)) (== net6.0) (== netcoreapp3.1) (== netstandard2.0)
      runtime.native.System (>= 4.3) - restriction: || (&& (== net471) (< net46)) (== net6.0) (== netcoreapp3.1) (== netstandard2.0)
      System.Collections (>= 4.3) - restriction: || (&& (== net471) (< net46)) (== net6.0) (== netcoreapp3.1) (== netstandard2.0)
      System.Diagnostics.Debug (>= 4.3) - restriction: || (&& (== net471) (< net46)) (== net6.0) (== netcoreapp3.1) (== netstandard2.0)
      System.Globalization (>= 4.3) - restriction: || (&& (== net471) (< net46)) (== net6.0) (== netcoreapp3.1) (== netstandard2.0)
      System.Resources.ResourceManager (>= 4.3) - restriction: || (&& (== net471) (< net46)) (== net6.0) (== netcoreapp3.1) (== netstandard2.0)
      System.Runtime (>= 4.3) - restriction: || (&& (== net471) (< net46)) (== net6.0) (== netcoreapp3.1) (== netstandard2.0)
      System.Runtime.Extensions (>= 4.3) - restriction: || (&& (== net471) (< net46)) (== net6.0) (== netcoreapp3.1) (== netstandard2.0)
      System.Threading (>= 4.3) - restriction: || (&& (== net471) (< net46)) (== net6.0) (== netcoreapp3.1) (== netstandard2.0)
    System.Diagnostics.Tracing (4.3) - restriction: || (&& (== net471) (< net45)) (== net6.0) (== netcoreapp3.1) (== netstandard2.0)
      Microsoft.NETCore.Platforms (>= 1.1) - restriction: || (&& (== net471) (< net45)) (== net6.0) (== netcoreapp3.1) (== netstandard2.0)
      Microsoft.NETCore.Targets (>= 1.1) - restriction: || (&& (== net471) (< net45)) (== net6.0) (== netcoreapp3.1) (== netstandard2.0)
      System.Runtime (>= 4.3) - restriction: || (&& (== net471) (< net45)) (== net6.0) (== netcoreapp3.1) (== netstandard2.0)
    System.Dynamic.Runtime (4.3)
      System.Collections (>= 4.3) - restriction: || (&& (== net471) (< net45)) (== net6.0) (== netcoreapp3.1) (== netstandard2.0)
      System.Diagnostics.Debug (>= 4.3) - restriction: || (&& (== net471) (< net45)) (== net6.0) (== netcoreapp3.1) (== netstandard2.0)
      System.Linq (>= 4.3) - restriction: || (&& (== net471) (< net45)) (== net6.0) (== netcoreapp3.1) (== netstandard2.0)
      System.Linq.Expressions (>= 4.3) - restriction: || (&& (== net471) (< net45)) (== net6.0) (== netcoreapp3.1) (== netstandard2.0)
      System.ObjectModel (>= 4.3) - restriction: || (&& (== net471) (< net45)) (== net6.0) (== netcoreapp3.1) (== netstandard2.0)
      System.Reflection (>= 4.3) - restriction: || (&& (== net471) (< net45)) (== net6.0) (== netcoreapp3.1) (== netstandard2.0)
      System.Reflection.Emit (>= 4.3) - restriction: || (&& (== net471) (< net45)) (== net6.0) (== netcoreapp3.1) (== netstandard2.0)
      System.Reflection.Emit.ILGeneration (>= 4.3) - restriction: || (&& (== net471) (< net45)) (== net6.0) (== netcoreapp3.1) (== netstandard2.0)
      System.Reflection.Primitives (>= 4.3) - restriction: || (&& (== net471) (< net45)) (== net6.0) (== netcoreapp3.1) (== netstandard2.0)
      System.Reflection.TypeExtensions (>= 4.3) - restriction: || (&& (== net471) (< net45)) (== net6.0) (== netcoreapp3.1) (== netstandard2.0)
      System.Resources.ResourceManager (>= 4.3) - restriction: || (&& (== net471) (< net45)) (== net6.0) (== netcoreapp3.1) (== netstandard2.0)
      System.Runtime (>= 4.3) - restriction: || (&& (== net471) (< net45)) (== net6.0) (== netcoreapp3.1) (== netstandard2.0)
      System.Runtime.Extensions (>= 4.3) - restriction: || (&& (== net471) (< net45)) (== net6.0) (== netcoreapp3.1) (== netstandard2.0)
      System.Threading (>= 4.3) - restriction: || (&& (== net471) (< net45)) (== net6.0) (== netcoreapp3.1) (== netstandard2.0)
    System.Globalization (4.3) - restriction: || (&& (== net471) (< net45)) (== net6.0) (== netcoreapp3.1) (== netstandard2.0)
      Microsoft.NETCore.Platforms (>= 1.1) - restriction: || (&& (== net471) (< net45)) (== net6.0) (== netcoreapp3.1) (== netstandard2.0)
      Microsoft.NETCore.Targets (>= 1.1) - restriction: || (&& (== net471) (< net45)) (== net6.0) (== netcoreapp3.1) (== netstandard2.0)
      System.Runtime (>= 4.3) - restriction: || (&& (== net471) (< net45)) (== net6.0) (== netcoreapp3.1) (== netstandard2.0)
    System.IO (4.3) - restriction: || (&& (== net471) (< net46)) (&& (== net471) (< net461)) (== net6.0) (== netcoreapp3.1) (== netstandard2.0)
      Microsoft.NETCore.Platforms (>= 1.1) - restriction: || (&& (== net471) (< net45)) (== net6.0) (== netcoreapp3.1) (== netstandard2.0)
      Microsoft.NETCore.Targets (>= 1.1) - restriction: || (&& (== net471) (< net45)) (== net6.0) (== netcoreapp3.1) (== netstandard2.0)
      System.Runtime (>= 4.3) - restriction: || (&& (== net471) (< net45)) (== net6.0) (== netcoreapp3.1) (== netstandard2.0)
      System.Text.Encoding (>= 4.3) - restriction: || (&& (== net471) (< net45)) (== net6.0) (== netcoreapp3.1) (== netstandard2.0)
      System.Threading.Tasks (>= 4.3) - restriction: || (&& (== net471) (< net45)) (== net6.0) (== netcoreapp3.1) (== netstandard2.0)
    System.IO.FileSystem (4.3) - restriction: || (&& (== net471) (< net46)) (== net6.0) (== netcoreapp3.1) (== netstandard2.0)
      Microsoft.NETCore.Platforms (>= 1.1) - restriction: || (&& (== net471) (< net46)) (== net6.0) (== netcoreapp3.1) (== netstandard2.0)
      Microsoft.NETCore.Targets (>= 1.1) - restriction: || (&& (== net471) (< net46)) (== net6.0) (== netcoreapp3.1) (== netstandard2.0)
      System.IO (>= 4.3) - restriction: || (&& (== net471) (< net46)) (== net6.0) (== netcoreapp3.1) (== netstandard2.0)
      System.IO.FileSystem.Primitives (>= 4.3)
      System.Runtime (>= 4.3) - restriction: || (&& (== net471) (< net46)) (== net6.0) (== netcoreapp3.1) (== netstandard2.0)
      System.Runtime.Handles (>= 4.3) - restriction: || (&& (== net471) (< net46)) (== net6.0) (== netcoreapp3.1) (== netstandard2.0)
      System.Text.Encoding (>= 4.3) - restriction: || (&& (== net471) (< net46)) (== net6.0) (== netcoreapp3.1) (== netstandard2.0)
      System.Threading.Tasks (>= 4.3) - restriction: || (&& (== net471) (< net46)) (== net6.0) (== netcoreapp3.1) (== netstandard2.0)
    System.IO.FileSystem.Primitives (4.3) - restriction: || (&& (== net471) (< net46)) (== net6.0) (== netcoreapp3.1) (== netstandard2.0)
      System.Runtime (>= 4.3) - restriction: || (&& (== net471) (< net46)) (== net6.0) (== netcoreapp3.1) (== netstandard2.0)
    System.Linq (4.3) - restriction: || (&& (== net471) (< net45)) (== net6.0) (== netcoreapp3.1) (== netstandard2.0)
      System.Collections (>= 4.3) - restriction: || (&& (== net471) (< net45)) (== net6.0) (== netcoreapp3.1) (== netstandard2.0)
      System.Diagnostics.Debug (>= 4.3) - restriction: || (&& (== net471) (< net45)) (== net6.0) (== netcoreapp3.1) (== netstandard2.0)
      System.Resources.ResourceManager (>= 4.3) - restriction: || (&& (== net471) (< net45)) (== net6.0) (== netcoreapp3.1) (== netstandard2.0)
      System.Runtime (>= 4.3) - restriction: || (&& (== net471) (< net45)) (== net6.0) (== netcoreapp3.1) (== netstandard2.0)
      System.Runtime.Extensions (>= 4.3) - restriction: || (&& (== net471) (< net45)) (== net6.0) (== netcoreapp3.1) (== netstandard2.0)
    System.Linq.Expressions (4.3) - restriction: || (&& (== net471) (< net45)) (== net6.0) (== netcoreapp3.1) (== netstandard2.0)
      System.Collections (>= 4.3) - restriction: || (&& (== net471) (< net45)) (== net6.0) (== netcoreapp3.1) (== netstandard2.0)
      System.Diagnostics.Debug (>= 4.3) - restriction: || (&& (== net471) (< net45)) (== net6.0) (== netcoreapp3.1) (== netstandard2.0)
      System.Globalization (>= 4.3) - restriction: || (&& (== net471) (< net45)) (== net6.0) (== netcoreapp3.1) (== netstandard2.0)
      System.IO (>= 4.3) - restriction: || (&& (== net471) (< net45)) (== net6.0) (== netcoreapp3.1) (== netstandard2.0)
      System.Linq (>= 4.3) - restriction: || (&& (== net471) (< net45)) (== net6.0) (== netcoreapp3.1) (== netstandard2.0)
      System.ObjectModel (>= 4.3) - restriction: || (&& (== net471) (< net45)) (== net6.0) (== netcoreapp3.1) (== netstandard2.0)
      System.Reflection (>= 4.3) - restriction: || (&& (== net471) (< net45)) (== net6.0) (== netcoreapp3.1) (== netstandard2.0)
      System.Reflection.Emit (>= 4.3) - restriction: || (&& (== net471) (< net45)) (== net6.0) (== netcoreapp3.1) (== netstandard2.0)
      System.Reflection.Emit.ILGeneration (>= 4.3) - restriction: || (&& (== net471) (< net45)) (== net6.0) (== netcoreapp3.1) (== netstandard2.0)
      System.Reflection.Emit.Lightweight (>= 4.3) - restriction: || (&& (== net471) (< net45)) (== net6.0) (== netcoreapp3.1) (== netstandard2.0)
      System.Reflection.Extensions (>= 4.3) - restriction: || (&& (== net471) (< net45)) (== net6.0) (== netcoreapp3.1) (== netstandard2.0)
      System.Reflection.Primitives (>= 4.3) - restriction: || (&& (== net471) (< net45)) (== net6.0) (== netcoreapp3.1) (== netstandard2.0)
      System.Reflection.TypeExtensions (>= 4.3) - restriction: || (&& (== net471) (< net45)) (== net6.0) (== netcoreapp3.1) (== netstandard2.0)
      System.Resources.ResourceManager (>= 4.3) - restriction: || (&& (== net471) (< net45)) (== net6.0) (== netcoreapp3.1) (== netstandard2.0)
      System.Runtime (>= 4.3) - restriction: || (&& (== net471) (< net45)) (== net6.0) (== netcoreapp3.1) (== netstandard2.0)
      System.Runtime.Extensions (>= 4.3) - restriction: || (&& (== net471) (< net45)) (== net6.0) (== netcoreapp3.1) (== netstandard2.0)
      System.Threading (>= 4.3) - restriction: || (&& (== net471) (< net45)) (== net6.0) (== netcoreapp3.1) (== netstandard2.0)
    System.Memory (4.5.4)
      System.Buffers (>= 4.5.1) - restriction: || (== net471) (&& (== net6.0) (>= monotouch)) (&& (== net6.0) (>= net461)) (&& (== net6.0) (< netcoreapp2.0)) (&& (== net6.0) (< netstandard1.1)) (&& (== net6.0) (< netstandard2.0)) (&& (== net6.0) (>= xamarinios)) (&& (== net6.0) (>= xamarinmac)) (&& (== net6.0) (>= xamarintvos)) (&& (== net6.0) (>= xamarinwatchos)) (&& (== netcoreapp3.1) (>= monotouch)) (&& (== netcoreapp3.1) (>= net461)) (&& (== netcoreapp3.1) (< netcoreapp2.0)) (&& (== netcoreapp3.1) (< netstandard1.1)) (&& (== netcoreapp3.1) (< netstandard2.0)) (&& (== netcoreapp3.1) (>= xamarinios)) (&& (== netcoreapp3.1) (>= xamarinmac)) (&& (== netcoreapp3.1) (>= xamarintvos)) (&& (== netcoreapp3.1) (>= xamarinwatchos)) (== netstandard2.0)
      System.Numerics.Vectors (>= 4.4) - restriction: || (&& (== net471) (< net45)) (&& (== net6.0) (< netcoreapp2.0)) (&& (== netcoreapp3.1) (< netcoreapp2.0)) (== netstandard2.0)
      System.Numerics.Vectors (>= 4.5) - restriction: || (== net471) (&& (== net6.0) (>= net461)) (&& (== netcoreapp3.1) (>= net461)) (&& (== netstandard2.0) (>= net461))
      System.Runtime.CompilerServices.Unsafe (>= 4.5.3) - restriction: || (== net471) (&& (== net6.0) (>= monotouch)) (&& (== net6.0) (>= net461)) (&& (== net6.0) (< netcoreapp2.0)) (&& (== net6.0) (< netcoreapp2.1)) (&& (== net6.0) (< netstandard1.1)) (&& (== net6.0) (< netstandard2.0)) (&& (== net6.0) (>= uap10.1)) (&& (== net6.0) (>= xamarinios)) (&& (== net6.0) (>= xamarinmac)) (&& (== net6.0) (>= xamarintvos)) (&& (== net6.0) (>= xamarinwatchos)) (&& (== netcoreapp3.1) (>= monotouch)) (&& (== netcoreapp3.1) (>= net461)) (&& (== netcoreapp3.1) (< netcoreapp2.0)) (&& (== netcoreapp3.1) (< netcoreapp2.1)) (&& (== netcoreapp3.1) (< netstandard1.1)) (&& (== netcoreapp3.1) (< netstandard2.0)) (&& (== netcoreapp3.1) (>= uap10.1)) (&& (== netcoreapp3.1) (>= xamarinios)) (&& (== netcoreapp3.1) (>= xamarinmac)) (&& (== netcoreapp3.1) (>= xamarintvos)) (&& (== netcoreapp3.1) (>= xamarinwatchos)) (== netstandard2.0)
    System.Numerics.Vectors (4.5)
    System.ObjectModel (4.3) - restriction: || (&& (== net471) (< net45)) (== net6.0) (== netcoreapp3.1) (== netstandard2.0)
      System.Collections (>= 4.3) - restriction: || (&& (== net471) (< net45)) (== net6.0) (== netcoreapp3.1) (== netstandard2.0)
      System.Diagnostics.Debug (>= 4.3) - restriction: || (&& (== net471) (< net45)) (== net6.0) (== netcoreapp3.1) (== netstandard2.0)
      System.Resources.ResourceManager (>= 4.3) - restriction: || (&& (== net471) (< net45)) (== net6.0) (== netcoreapp3.1) (== netstandard2.0)
      System.Runtime (>= 4.3) - restriction: || (&& (== net471) (< net45)) (== net6.0) (== netcoreapp3.1) (== netstandard2.0)
      System.Threading (>= 4.3) - restriction: || (&& (== net471) (< net45)) (== net6.0) (== netcoreapp3.1) (== netstandard2.0)
    System.Reflection (4.3) - restriction: || (&& (== net471) (< net45)) (== net6.0) (== netcoreapp3.1) (== netstandard2.0)
      Microsoft.NETCore.Platforms (>= 1.1) - restriction: || (&& (== net471) (< net45)) (== net6.0) (== netcoreapp3.1) (== netstandard2.0)
      Microsoft.NETCore.Targets (>= 1.1) - restriction: || (&& (== net471) (< net45)) (== net6.0) (== netcoreapp3.1) (== netstandard2.0)
      System.IO (>= 4.3) - restriction: || (&& (== net471) (< net45)) (== net6.0) (== netcoreapp3.1) (== netstandard2.0)
      System.Reflection.Primitives (>= 4.3) - restriction: || (&& (== net471) (< net45)) (== net6.0) (== netcoreapp3.1) (== netstandard2.0)
      System.Runtime (>= 4.3) - restriction: || (&& (== net471) (< net45)) (== net6.0) (== netcoreapp3.1) (== netstandard2.0)
    System.Reflection.Emit (4.7) - restriction: || (&& (== net471) (< net461)) (== net6.0) (== netcoreapp3.1) (== netstandard2.0)
      System.Reflection.Emit.ILGeneration (>= 4.7) - restriction: || (&& (== net471) (< net45)) (&& (== net471) (< netstandard1.1)) (&& (== net471) (< netstandard2.0) (>= wpa81)) (&& (== net471) (>= uap10.1)) (&& (== net6.0) (< netcoreapp2.0) (< netstandard2.1)) (&& (== net6.0) (< netstandard1.1)) (&& (== net6.0) (< netstandard2.0)) (&& (== net6.0) (>= uap10.1)) (&& (== netcoreapp3.1) (< netcoreapp2.0) (< netstandard2.1)) (&& (== netcoreapp3.1) (< netstandard1.1)) (&& (== netcoreapp3.1) (< netstandard2.0)) (&& (== netcoreapp3.1) (>= uap10.1)) (== netstandard2.0)
    System.Reflection.Emit.ILGeneration (4.7) - restriction: || (&& (== net471) (< net45)) (&& (== net471) (< netstandard2.0) (>= wpa81)) (&& (== net471) (< portable-net45+wp8)) (&& (== net471) (>= uap10.1)) (== net6.0) (== netcoreapp3.1) (== netstandard2.0)
    System.Reflection.Emit.Lightweight (4.7)
      System.Reflection.Emit.ILGeneration (>= 4.7) - restriction: || (&& (== net471) (< net45)) (&& (== net471) (< netstandard2.0) (>= wpa81)) (&& (== net471) (< portable-net45+wp8)) (&& (== net471) (>= uap10.1)) (&& (== net6.0) (< netcoreapp2.0) (< netstandard2.1)) (&& (== net6.0) (< netstandard2.0)) (&& (== net6.0) (< portable-net45+wp8)) (&& (== net6.0) (>= uap10.1)) (&& (== netcoreapp3.1) (< netcoreapp2.0) (< netstandard2.1)) (&& (== netcoreapp3.1) (< netstandard2.0)) (&& (== netcoreapp3.1) (< portable-net45+wp8)) (&& (== netcoreapp3.1) (>= uap10.1)) (== netstandard2.0)
    System.Reflection.Extensions (4.3) - restriction: || (&& (== net471) (< net45)) (== net6.0) (== netcoreapp3.1) (== netstandard2.0)
      Microsoft.NETCore.Platforms (>= 1.1) - restriction: || (&& (== net471) (< net45)) (== net6.0) (== netcoreapp3.1) (== netstandard2.0)
      Microsoft.NETCore.Targets (>= 1.1) - restriction: || (&& (== net471) (< net45)) (== net6.0) (== netcoreapp3.1) (== netstandard2.0)
      System.Reflection (>= 4.3) - restriction: || (&& (== net471) (< net45)) (== net6.0) (== netcoreapp3.1) (== netstandard2.0)
      System.Runtime (>= 4.3) - restriction: || (&& (== net471) (< net45)) (== net6.0) (== netcoreapp3.1) (== netstandard2.0)
    System.Reflection.Metadata (5.0)
      System.Collections.Immutable (>= 5.0) - restriction: || (== net471) (&& (== net6.0) (>= net461)) (&& (== net6.0) (< net5.0)) (&& (== net6.0) (< netstandard1.1)) (&& (== net6.0) (< netstandard2.0)) (== netcoreapp3.1) (== netstandard2.0)
    System.Reflection.Primitives (4.3) - restriction: || (&& (== net471) (< net45)) (== net6.0) (== netcoreapp3.1) (== netstandard2.0)
      Microsoft.NETCore.Platforms (>= 1.1) - restriction: || (&& (== net471) (< net45)) (== net6.0) (== netcoreapp3.1) (== netstandard2.0)
      Microsoft.NETCore.Targets (>= 1.1) - restriction: || (&& (== net471) (< net45)) (== net6.0) (== netcoreapp3.1) (== netstandard2.0)
      System.Runtime (>= 4.3) - restriction: || (&& (== net471) (< net45)) (== net6.0) (== netcoreapp3.1) (== netstandard2.0)
    System.Reflection.TypeExtensions (4.7) - restriction: || (&& (== net471) (< net461)) (== net6.0) (== netcoreapp3.1) (== netstandard2.0)
    System.Resources.ResourceManager (4.3) - restriction: || (&& (== net471) (< net45)) (== net6.0) (== netcoreapp3.1) (== netstandard2.0)
      Microsoft.NETCore.Platforms (>= 1.1) - restriction: || (&& (== net471) (< net45)) (== net6.0) (== netcoreapp3.1) (== netstandard2.0)
      Microsoft.NETCore.Targets (>= 1.1) - restriction: || (&& (== net471) (< net45)) (== net6.0) (== netcoreapp3.1) (== netstandard2.0)
      System.Globalization (>= 4.3) - restriction: || (&& (== net471) (< net45)) (== net6.0) (== netcoreapp3.1) (== netstandard2.0)
      System.Reflection (>= 4.3) - restriction: || (&& (== net471) (< net45)) (== net6.0) (== netcoreapp3.1) (== netstandard2.0)
      System.Runtime (>= 4.3) - restriction: || (&& (== net471) (< net45)) (== net6.0) (== netcoreapp3.1) (== netstandard2.0)
    System.Runtime (4.3.1) - restriction: || (&& (== net471) (< net45)) (== net6.0) (== netcoreapp3.1) (== netstandard2.0)
      Microsoft.NETCore.Platforms (>= 1.1.1) - restriction: || (&& (== net471) (< net45)) (== net6.0) (== netcoreapp3.1) (== netstandard2.0)
      Microsoft.NETCore.Targets (>= 1.1.3) - restriction: || (&& (== net471) (< net45)) (== net6.0) (== netcoreapp3.1) (== netstandard2.0)
    System.Runtime.CompilerServices.Unsafe (6.0)
    System.Runtime.Extensions (4.3.1) - restriction: || (&& (== net471) (< net45)) (== net6.0) (== netcoreapp3.1) (== netstandard2.0)
      Microsoft.NETCore.Platforms (>= 1.1.1) - restriction: || (&& (== net471) (< net45)) (== net6.0) (== netcoreapp3.1) (== netstandard2.0)
      Microsoft.NETCore.Targets (>= 1.1.3) - restriction: || (&& (== net471) (< net45)) (== net6.0) (== netcoreapp3.1) (== netstandard2.0)
      System.Runtime (>= 4.3.1) - restriction: || (&& (== net471) (< net45)) (== net6.0) (== netcoreapp3.1) (== netstandard2.0)
    System.Runtime.Handles (4.3) - restriction: || (&& (== net471) (< net46)) (== net6.0) (== netcoreapp3.1) (== netstandard2.0)
      Microsoft.NETCore.Platforms (>= 1.1) - restriction: || (&& (== net471) (< net46)) (== net6.0) (== netcoreapp3.1) (== netstandard2.0)
      Microsoft.NETCore.Targets (>= 1.1) - restriction: || (&& (== net471) (< net46)) (== net6.0) (== netcoreapp3.1) (== netstandard2.0)
      System.Runtime (>= 4.3) - restriction: || (&& (== net471) (< net46)) (== net6.0) (== netcoreapp3.1) (== netstandard2.0)
    System.Runtime.InteropServices (4.3) - restriction: || (&& (== net471) (< net46)) (== net6.0) (== netcoreapp3.1) (== netstandard2.0)
      Microsoft.NETCore.Platforms (>= 1.1) - restriction: || (&& (== net471) (< net45)) (&& (== net471) (>= netcoreapp1.1)) (== net6.0) (== netcoreapp3.1) (== netstandard2.0)
      Microsoft.NETCore.Targets (>= 1.1) - restriction: || (&& (== net471) (< net45)) (&& (== net471) (>= netcoreapp1.1)) (== net6.0) (== netcoreapp3.1) (== netstandard2.0)
      System.Reflection (>= 4.3) - restriction: || (&& (== net471) (< net45)) (&& (== net471) (>= netcoreapp1.1)) (== net6.0) (== netcoreapp3.1) (== netstandard2.0)
      System.Reflection.Primitives (>= 4.3) - restriction: || (&& (== net471) (< net45)) (&& (== net471) (>= netcoreapp1.1)) (== net6.0) (== netcoreapp3.1) (== netstandard2.0)
      System.Runtime (>= 4.3)
      System.Runtime.Handles (>= 4.3) - restriction: || (&& (== net471) (< net45)) (&& (== net471) (>= netcoreapp1.1)) (== net6.0) (== netcoreapp3.1) (== netstandard2.0)
    System.Runtime.InteropServices.RuntimeInformation (4.3) - restriction: || (== net471) (&& (== net6.0) (>= net461)) (&& (== netcoreapp3.1) (>= net461)) (&& (== netstandard2.0) (>= net461))
    System.Runtime.Loader (4.3) - restriction: || (&& (== net471) (< net461)) (== net6.0) (== netcoreapp3.1) (== netstandard2.0)
      System.IO (>= 4.3) - restriction: || (&& (== net471) (< net462)) (== net6.0) (== netcoreapp3.1) (== netstandard2.0)
      System.Reflection (>= 4.3) - restriction: || (&& (== net471) (< net462)) (== net6.0) (== netcoreapp3.1) (== netstandard2.0)
      System.Runtime (>= 4.3) - restriction: || (&& (== net471) (< net462)) (== net6.0) (== netcoreapp3.1) (== netstandard2.0)
    System.Runtime.Numerics (4.3) - restriction: || (&& (== net471) (< net46)) (== net6.0) (== netcoreapp3.1) (== netstandard2.0)
      System.Globalization (>= 4.3) - restriction: || (&& (== net471) (< net45)) (== net6.0) (== netcoreapp3.1) (== netstandard2.0)
      System.Resources.ResourceManager (>= 4.3) - restriction: || (&& (== net471) (< net45)) (== net6.0) (== netcoreapp3.1) (== netstandard2.0)
      System.Runtime (>= 4.3) - restriction: || (&& (== net471) (< net45)) (== net6.0) (== netcoreapp3.1) (== netstandard2.0)
      System.Runtime.Extensions (>= 4.3) - restriction: || (&& (== net471) (< net45)) (== net6.0) (== netcoreapp3.1) (== netstandard2.0)
    System.Security.AccessControl (5.0) - restriction: || (&& (== net471) (>= monoandroid) (< netstandard1.3)) (&& (== net471) (>= monotouch)) (&& (== net471) (< net46)) (&& (== net471) (>= netcoreapp2.0)) (&& (== net471) (>= netcoreapp2.1)) (&& (== net471) (>= uap10.1)) (&& (== net471) (>= xamarinios)) (&& (== net471) (>= xamarinmac)) (&& (== net471) (>= xamarintvos)) (&& (== net471) (>= xamarinwatchos)) (== net6.0) (== netcoreapp3.1) (== netstandard2.0)
      Microsoft.NETCore.Platforms (>= 5.0) - restriction: || (&& (== net471) (>= netcoreapp2.0)) (== net6.0) (== netcoreapp3.1) (&& (== netstandard2.0) (>= netcoreapp2.0))
      System.Security.Principal.Windows (>= 5.0)
    System.Security.Cryptography.Algorithms (4.3.1) - restriction: || (&& (== net471) (< net461)) (== net6.0) (== netcoreapp3.1) (== netstandard2.0)
      Microsoft.NETCore.Platforms (>= 1.1) - restriction: || (&& (== net471) (< net46)) (== net6.0) (== netcoreapp3.1) (== netstandard2.0)
      runtime.native.System.Security.Cryptography.Apple (>= 4.3.1) - restriction: || (&& (== net471) (< net46)) (== net6.0) (== netcoreapp3.1) (== netstandard2.0)
      runtime.native.System.Security.Cryptography.OpenSsl (>= 4.3.2) - restriction: || (&& (== net471) (< net46)) (== net6.0) (== netcoreapp3.1) (== netstandard2.0)
      System.Collections (>= 4.3) - restriction: || (&& (== net471) (< net46)) (== net6.0) (== netcoreapp3.1) (== netstandard2.0)
      System.IO (>= 4.3)
      System.Resources.ResourceManager (>= 4.3) - restriction: || (&& (== net471) (< net46)) (== net6.0) (== netcoreapp3.1) (== netstandard2.0)
      System.Runtime (>= 4.3)
      System.Runtime.Extensions (>= 4.3) - restriction: || (&& (== net471) (< net46)) (== net6.0) (== netcoreapp3.1) (== netstandard2.0)
      System.Runtime.Handles (>= 4.3) - restriction: || (&& (== net471) (< net46)) (== net6.0) (== netcoreapp3.1) (== netstandard2.0)
      System.Runtime.InteropServices (>= 4.3) - restriction: || (&& (== net471) (< net46)) (== net6.0) (== netcoreapp3.1) (== netstandard2.0)
      System.Runtime.Numerics (>= 4.3) - restriction: || (&& (== net471) (< net46)) (== net6.0) (== netcoreapp3.1) (== netstandard2.0)
      System.Security.Cryptography.Encoding (>= 4.3)
      System.Security.Cryptography.Primitives (>= 4.3)
      System.Text.Encoding (>= 4.3) - restriction: || (&& (== net471) (< net46)) (== net6.0) (== netcoreapp3.1) (== netstandard2.0)
    System.Security.Cryptography.Encoding (4.3) - restriction: || (&& (== net471) (< net46)) (&& (== net471) (< net461)) (== net6.0) (== netcoreapp3.1) (== netstandard2.0)
      Microsoft.NETCore.Platforms (>= 1.1) - restriction: || (&& (== net471) (< net46)) (== net6.0) (== netcoreapp3.1) (== netstandard2.0)
      runtime.native.System.Security.Cryptography.OpenSsl (>= 4.3) - restriction: || (&& (== net471) (< net46)) (== net6.0) (== netcoreapp3.1) (== netstandard2.0)
      System.Collections (>= 4.3) - restriction: || (&& (== net471) (< net46)) (== net6.0) (== netcoreapp3.1) (== netstandard2.0)
      System.Collections.Concurrent (>= 4.3) - restriction: || (&& (== net471) (< net46)) (== net6.0) (== netcoreapp3.1) (== netstandard2.0)
      System.Linq (>= 4.3) - restriction: || (&& (== net471) (< net46)) (== net6.0) (== netcoreapp3.1) (== netstandard2.0)
      System.Resources.ResourceManager (>= 4.3) - restriction: || (&& (== net471) (< net46)) (== net6.0) (== netcoreapp3.1) (== netstandard2.0)
      System.Runtime (>= 4.3) - restriction: || (&& (== net471) (< net46)) (== net6.0) (== netcoreapp3.1) (== netstandard2.0)
      System.Runtime.Extensions (>= 4.3) - restriction: || (&& (== net471) (< net46)) (== net6.0) (== netcoreapp3.1) (== netstandard2.0)
      System.Runtime.Handles (>= 4.3) - restriction: || (&& (== net471) (< net46)) (== net6.0) (== netcoreapp3.1) (== netstandard2.0)
      System.Runtime.InteropServices (>= 4.3) - restriction: || (&& (== net471) (< net46)) (== net6.0) (== netcoreapp3.1) (== netstandard2.0)
      System.Security.Cryptography.Primitives (>= 4.3) - restriction: || (&& (== net471) (< net46)) (== net6.0) (== netcoreapp3.1) (== netstandard2.0)
      System.Text.Encoding (>= 4.3) - restriction: || (&& (== net471) (< net46)) (== net6.0) (== netcoreapp3.1) (== netstandard2.0)
    System.Security.Cryptography.Primitives (4.3) - restriction: || (&& (== net471) (< net46)) (&& (== net471) (< net461)) (&& (== net471) (< netstandard1.4)) (== net6.0) (== netcoreapp3.1) (== netstandard2.0)
      System.Diagnostics.Debug (>= 4.3) - restriction: || (&& (== net471) (< net46)) (== net6.0) (== netcoreapp3.1) (== netstandard2.0)
      System.Globalization (>= 4.3) - restriction: || (&& (== net471) (< net46)) (== net6.0) (== netcoreapp3.1) (== netstandard2.0)
      System.IO (>= 4.3) - restriction: || (&& (== net471) (< net46)) (== net6.0) (== netcoreapp3.1) (== netstandard2.0)
      System.Resources.ResourceManager (>= 4.3) - restriction: || (&& (== net471) (< net46)) (== net6.0) (== netcoreapp3.1) (== netstandard2.0)
      System.Runtime (>= 4.3) - restriction: || (&& (== net471) (< net46)) (== net6.0) (== netcoreapp3.1) (== netstandard2.0)
      System.Threading (>= 4.3) - restriction: || (&& (== net471) (< net46)) (== net6.0) (== netcoreapp3.1) (== netstandard2.0)
      System.Threading.Tasks (>= 4.3) - restriction: || (&& (== net471) (< net46)) (== net6.0) (== netcoreapp3.1) (== netstandard2.0)
    System.Security.Principal.Windows (5.0) - restriction: || (&& (== net471) (>= monoandroid) (< netstandard1.3)) (&& (== net471) (>= monotouch)) (&& (== net471) (< net46)) (&& (== net471) (>= netcoreapp2.0)) (&& (== net471) (>= netcoreapp2.1)) (&& (== net471) (>= uap10.1)) (&& (== net471) (>= xamarinios)) (&& (== net471) (>= xamarinmac)) (&& (== net471) (>= xamarintvos)) (&& (== net471) (>= xamarinwatchos)) (== net6.0) (== netcoreapp3.1) (== netstandard2.0)
    System.Text.Encoding (4.3) - restriction: || (&& (== net471) (< net46)) (== net6.0) (== netcoreapp3.1) (== netstandard2.0)
      Microsoft.NETCore.Platforms (>= 1.1) - restriction: || (&& (== net471) (< net45)) (== net6.0) (== netcoreapp3.1) (== netstandard2.0)
      Microsoft.NETCore.Targets (>= 1.1) - restriction: || (&& (== net471) (< net45)) (== net6.0) (== netcoreapp3.1) (== netstandard2.0)
      System.Runtime (>= 4.3) - restriction: || (&& (== net471) (< net45)) (== net6.0) (== netcoreapp3.1) (== netstandard2.0)
    System.Text.Encoding.CodePages (5.0)
      Microsoft.NETCore.Platforms (>= 5.0) - restriction: || (&& (== net471) (>= net5.0)) (&& (== net471) (>= netcoreapp2.0)) (== net6.0) (== netcoreapp3.1) (&& (== netstandard2.0) (>= net5.0)) (&& (== netstandard2.0) (>= netcoreapp2.0))
      System.Runtime.CompilerServices.Unsafe (>= 5.0) - restriction: || (== net471) (&& (== net6.0) (>= net461)) (&& (== net6.0) (< net5.0)) (&& (== net6.0) (< netcoreapp2.0)) (== netcoreapp3.1) (== netstandard2.0)
    System.Text.Encoding.Extensions (4.3) - restriction: || (&& (== net471) (< net46)) (== net6.0) (== netcoreapp3.1) (== netstandard2.0)
      Microsoft.NETCore.Platforms (>= 1.1) - restriction: || (&& (== net471) (< net45)) (== net6.0) (== netcoreapp3.1) (== netstandard2.0)
      Microsoft.NETCore.Targets (>= 1.1) - restriction: || (&& (== net471) (< net45)) (== net6.0) (== netcoreapp3.1) (== netstandard2.0)
      System.Runtime (>= 4.3) - restriction: || (&& (== net471) (< net45)) (== net6.0) (== netcoreapp3.1) (== netstandard2.0)
      System.Text.Encoding (>= 4.3) - restriction: || (&& (== net471) (< net45)) (== net6.0) (== netcoreapp3.1) (== netstandard2.0)
    System.Text.Encodings.Web (5.0.1) - restriction: || (== net471) (&& (== net6.0) (>= monoandroid) (< netstandard1.3)) (&& (== net6.0) (>= monoandroid) (< netstandard2.0)) (&& (== net6.0) (>= monotouch)) (&& (== net6.0) (>= net461)) (&& (== net6.0) (< net5.0)) (&& (== net6.0) (< netcoreapp2.0)) (&& (== net6.0) (< netcoreapp2.1)) (&& (== net6.0) (< netcoreapp3.0)) (&& (== net6.0) (< netstandard2.0) (>= xamarintvos)) (&& (== net6.0) (< netstandard2.0) (>= xamarinwatchos)) (&& (== net6.0) (>= uap10.1)) (== netcoreapp3.1) (== netstandard2.0)
      System.Buffers (>= 4.5.1) - restriction: || (== net471) (&& (== net6.0) (>= net461)) (&& (== net6.0) (< netcoreapp2.0) (< netstandard2.1)) (&& (== netcoreapp3.1) (>= net461)) (&& (== netcoreapp3.1) (< netcoreapp2.0) (< netstandard2.1)) (== netstandard2.0)
      System.Memory (>= 4.5.4) - restriction: || (== net471) (&& (== net6.0) (>= net461)) (&& (== net6.0) (< netcoreapp2.0) (< netstandard2.1)) (&& (== net6.0) (< netcoreapp2.1) (< netstandard2.1)) (&& (== net6.0) (>= uap10.1)) (&& (== netcoreapp3.1) (>= net461)) (&& (== netcoreapp3.1) (< netcoreapp2.0) (< netstandard2.1)) (&& (== netcoreapp3.1) (< netcoreapp2.1) (< netstandard2.1)) (&& (== netcoreapp3.1) (>= uap10.1)) (== netstandard2.0)
    System.Text.Json (5.0.2)
      Microsoft.Bcl.AsyncInterfaces (>= 5.0) - restriction: || (== net471) (&& (== net6.0) (>= monoandroid) (< netstandard2.0)) (&& (== net6.0) (>= monotouch)) (&& (== net6.0) (>= net461)) (&& (== net6.0) (< netcoreapp2.0)) (&& (== net6.0) (< netcoreapp2.1)) (&& (== net6.0) (< netcoreapp3.0)) (&& (== net6.0) (< netstandard2.0) (>= xamarintvos)) (&& (== net6.0) (< netstandard2.0) (>= xamarinwatchos)) (&& (== net6.0) (>= uap10.1)) (&& (== netcoreapp3.1) (>= monoandroid) (< netstandard2.0)) (&& (== netcoreapp3.1) (>= monotouch)) (&& (== netcoreapp3.1) (>= net461)) (&& (== netcoreapp3.1) (< netcoreapp2.0)) (&& (== netcoreapp3.1) (< netcoreapp2.1)) (&& (== netcoreapp3.1) (< netcoreapp3.0)) (&& (== netcoreapp3.1) (< netstandard2.0) (>= xamarintvos)) (&& (== netcoreapp3.1) (< netstandard2.0) (>= xamarinwatchos)) (&& (== netcoreapp3.1) (>= uap10.1)) (== netstandard2.0)
      System.Buffers (>= 4.5.1) - restriction: || (== net471) (&& (== net6.0) (>= monoandroid) (< netstandard2.0)) (&& (== net6.0) (>= monotouch)) (&& (== net6.0) (>= net461)) (&& (== net6.0) (< netcoreapp2.0)) (&& (== net6.0) (< netstandard2.0) (>= xamarintvos)) (&& (== net6.0) (< netstandard2.0) (>= xamarinwatchos)) (&& (== netcoreapp3.1) (>= monoandroid) (< netstandard2.0)) (&& (== netcoreapp3.1) (>= monotouch)) (&& (== netcoreapp3.1) (>= net461)) (&& (== netcoreapp3.1) (< netcoreapp2.0)) (&& (== netcoreapp3.1) (< netstandard2.0) (>= xamarintvos)) (&& (== netcoreapp3.1) (< netstandard2.0) (>= xamarinwatchos)) (== netstandard2.0)
      System.Memory (>= 4.5.4) - restriction: || (== net471) (&& (== net6.0) (>= net461)) (&& (== net6.0) (< netcoreapp2.0)) (&& (== net6.0) (< netcoreapp2.1)) (&& (== net6.0) (>= uap10.1)) (&& (== netcoreapp3.1) (>= net461)) (&& (== netcoreapp3.1) (< netcoreapp2.0)) (&& (== netcoreapp3.1) (< netcoreapp2.1)) (&& (== netcoreapp3.1) (>= uap10.1)) (== netstandard2.0)
      System.Numerics.Vectors (>= 4.5) - restriction: || (== net471) (&& (== net6.0) (>= net461)) (&& (== net6.0) (< netcoreapp2.0)) (&& (== netcoreapp3.1) (>= net461)) (&& (== netcoreapp3.1) (< netcoreapp2.0)) (== netstandard2.0)
      System.Runtime.CompilerServices.Unsafe (>= 5.0) - restriction: || (== net471) (&& (== net6.0) (>= monoandroid) (< netstandard2.0)) (&& (== net6.0) (>= monotouch)) (&& (== net6.0) (>= net461)) (&& (== net6.0) (< net5.0)) (&& (== net6.0) (< netcoreapp2.0)) (&& (== net6.0) (< netcoreapp2.1)) (&& (== net6.0) (< netcoreapp3.0)) (&& (== net6.0) (< netstandard2.0) (>= xamarintvos)) (&& (== net6.0) (< netstandard2.0) (>= xamarinwatchos)) (&& (== net6.0) (>= uap10.1)) (== netcoreapp3.1) (== netstandard2.0)
      System.Text.Encodings.Web (>= 5.0.1) - restriction: || (== net471) (&& (== net6.0) (>= monoandroid) (< netstandard2.0)) (&& (== net6.0) (>= monotouch)) (&& (== net6.0) (>= net461)) (&& (== net6.0) (< net5.0)) (&& (== net6.0) (< netcoreapp2.0)) (&& (== net6.0) (< netcoreapp2.1)) (&& (== net6.0) (< netcoreapp3.0)) (&& (== net6.0) (< netstandard2.0) (>= xamarintvos)) (&& (== net6.0) (< netstandard2.0) (>= xamarinwatchos)) (&& (== net6.0) (>= uap10.1)) (== netcoreapp3.1) (== netstandard2.0)
      System.Threading.Tasks.Extensions (>= 4.5.4) - restriction: || (== net471) (&& (== net6.0) (>= net461)) (&& (== net6.0) (< netcoreapp2.0)) (&& (== net6.0) (< netcoreapp2.1)) (&& (== net6.0) (>= uap10.1)) (&& (== netcoreapp3.1) (>= net461)) (&& (== netcoreapp3.1) (< netcoreapp2.0)) (&& (== netcoreapp3.1) (< netcoreapp2.1)) (&& (== netcoreapp3.1) (>= uap10.1)) (== netstandard2.0)
      System.ValueTuple (>= 4.5) - restriction: || (== net471) (&& (== net6.0) (>= net461)) (&& (== netcoreapp3.1) (>= net461)) (&& (== netstandard2.0) (>= net461))
    System.Threading (4.3) - restriction: || (&& (== net471) (< net45)) (== net6.0) (== netcoreapp3.1) (== netstandard2.0)
      System.Runtime (>= 4.3) - restriction: || (&& (== net471) (< net45)) (== net6.0) (== netcoreapp3.1) (== netstandard2.0)
      System.Threading.Tasks (>= 4.3) - restriction: || (&& (== net471) (< net45)) (== net6.0) (== netcoreapp3.1) (== netstandard2.0)
    System.Threading.Tasks (4.3) - restriction: || (&& (== net471) (< net45)) (== net6.0) (== netcoreapp3.1) (== netstandard2.0)
      Microsoft.NETCore.Platforms (>= 1.1) - restriction: || (&& (== net471) (< net45)) (== net6.0) (== netcoreapp3.1) (== netstandard2.0)
      Microsoft.NETCore.Targets (>= 1.1) - restriction: || (&& (== net471) (< net45)) (== net6.0) (== netcoreapp3.1) (== netstandard2.0)
      System.Runtime (>= 4.3) - restriction: || (&& (== net471) (< net45)) (== net6.0) (== netcoreapp3.1) (== netstandard2.0)
    System.Threading.Tasks.Extensions (4.5.4) - restriction: || (== net471) (&& (== net6.0) (>= monoandroid) (< netstandard1.3)) (&& (== net6.0) (>= monotouch)) (&& (== net6.0) (>= net461)) (&& (== net6.0) (< netcoreapp2.0)) (&& (== net6.0) (< netcoreapp2.1)) (&& (== net6.0) (< netstandard2.0) (>= xamarintvos)) (&& (== net6.0) (< netstandard2.0) (>= xamarinwatchos)) (&& (== net6.0) (>= uap10.1)) (&& (== netcoreapp3.1) (>= net461)) (&& (== netcoreapp3.1) (< netcoreapp2.0)) (&& (== netcoreapp3.1) (< netcoreapp2.1)) (&& (== netcoreapp3.1) (>= uap10.1)) (== netstandard2.0)
      System.Runtime.CompilerServices.Unsafe (>= 4.5.3) - restriction: || (== net471) (&& (== net6.0) (>= net461)) (&& (== net6.0) (< netcoreapp2.1)) (&& (== net6.0) (< netstandard1.0)) (&& (== net6.0) (< netstandard2.0)) (&& (== net6.0) (>= wp8)) (&& (== netcoreapp3.1) (>= net461)) (&& (== netcoreapp3.1) (< netcoreapp2.1)) (&& (== netcoreapp3.1) (< netstandard1.0)) (&& (== netcoreapp3.1) (< netstandard2.0)) (&& (== netcoreapp3.1) (>= wp8)) (== netstandard2.0)
    System.Threading.Thread (4.3) - restriction: || (&& (== net471) (< net46)) (== net6.0) (== netcoreapp3.1) (== netstandard2.0)
      System.Runtime (>= 4.3) - restriction: || (&& (== net471) (< net46)) (== net6.0) (== netcoreapp3.1) (== netstandard2.0)
    System.Threading.ThreadPool (4.3) - restriction: || (&& (== net471) (< net46)) (== net6.0) (== netcoreapp3.1) (== netstandard2.0)
      System.Runtime (>= 4.3) - restriction: || (&& (== net471) (< net46)) (== net6.0) (== netcoreapp3.1) (== netstandard2.0)
      System.Runtime.Handles (>= 4.3) - restriction: || (&& (== net471) (< net46)) (== net6.0) (== netcoreapp3.1) (== netstandard2.0)
    System.ValueTuple (4.5)
    Ultz.Native.GLFW (3.3.3.1)
    Unofficial.LibTessDotNet (2.0.2)
    Unofficial.OpenTK (3.0.20)
    Unofficial.OpenTK.GLControl (3.0.20)
      Unofficial.OpenTK (3.0.20)
    Unofficial.OpenVR (1.1)
    Unofficial.Typography (0.1)
      System.Numerics.Vectors (>= 4.5)

GROUP Test
STORAGE: NONE
RESTRICTION: == net6.0
NUGET
  remote: https://api.nuget.org/v3/index.json
    Aardvark.Build (1.0.11)
    BenchmarkDotNet (0.13.1)
      BenchmarkDotNet.Annotations (>= 0.13.1)
      CommandLineParser (>= 2.4.3)
      Iced (>= 1.8)
      Microsoft.CodeAnalysis.CSharp (>= 2.10)
      Microsoft.Diagnostics.NETCore.Client (>= 0.2.61701)
      Microsoft.Diagnostics.Runtime (>= 1.1.126102)
      Microsoft.Diagnostics.Tracing.TraceEvent (>= 2.0.61)
      Microsoft.DotNet.PlatformAbstractions (>= 2.1)
      Microsoft.Win32.Registry (>= 4.5)
      Perfolizer (>= 0.2.1)
      System.Management (>= 4.5)
      System.Reflection.Emit (>= 4.3)
      System.Reflection.Emit.Lightweight (>= 4.3)
      System.Threading.Tasks.Extensions (>= 4.5.2)
      System.ValueTuple (>= 4.5)
    BenchmarkDotNet.Annotations (0.13.1)
    CommandLineParser (2.8)
    Expecto (9.0.4)
      FSharp.Core (>= 4.6)
      Mono.Cecil (>= 0.11.3)
    Expecto.FsCheck (9.0.4)
      Expecto (>= 9.0.4)
      FsCheck (>= 2.14.3)
    Expecto.Hopac (9.0.4)
      Expecto (>= 9.0.4)
      Hopac (>= 0.4.1)
    FsCheck (2.16.3)
      FSharp.Core (>= 4.2.3)
    FSharp.Core (5.0.2)
    Hopac (0.5.1)
      FSharp.Core (>= 4.5.2)
    Iced (1.14)
    Microsoft.Bcl.AsyncInterfaces (5.0)
    Microsoft.CodeAnalysis.Analyzers (3.3.2)
    Microsoft.CodeAnalysis.Common (3.11)
      Microsoft.CodeAnalysis.Analyzers (>= 3.3.2)
      System.Collections.Immutable (>= 5.0)
      System.Memory (>= 4.5.4)
      System.Reflection.Metadata (>= 5.0)
      System.Runtime.CompilerServices.Unsafe (>= 5.0)
      System.Text.Encoding.CodePages (>= 4.5.1)
      System.Threading.Tasks.Extensions (>= 4.5.4)
    Microsoft.CodeAnalysis.CSharp (3.11)
      Microsoft.CodeAnalysis.Common (3.11)
    Microsoft.CodeCoverage (16.11)
    Microsoft.Diagnostics.NETCore.Client (0.2.236902)
      Microsoft.Bcl.AsyncInterfaces (>= 1.1)
      Microsoft.Extensions.Logging (>= 2.1.1)
    Microsoft.Diagnostics.Runtime (2.0.226801)
      Microsoft.Diagnostics.NETCore.Client (>= 0.2.221401)
      System.Buffers (>= 4.5.1)
      System.Collections.Immutable (>= 5.0)
      System.Memory (>= 4.5.4)
      System.Reflection.Metadata (>= 5.0)
      System.Runtime.CompilerServices.Unsafe (>= 4.5.3)
    Microsoft.Diagnostics.Tracing.TraceEvent (2.0.71)
      System.Runtime.CompilerServices.Unsafe (>= 4.5.2)
    Microsoft.DotNet.PlatformAbstractions (3.1.6)
    Microsoft.Extensions.DependencyInjection (5.0.2)
      Microsoft.Extensions.DependencyInjection.Abstractions (>= 5.0)
    Microsoft.Extensions.DependencyInjection.Abstractions (5.0)
    Microsoft.Extensions.Logging (5.0)
      Microsoft.Extensions.DependencyInjection (>= 5.0)
      Microsoft.Extensions.DependencyInjection.Abstractions (>= 5.0)
      Microsoft.Extensions.Logging.Abstractions (>= 5.0)
      Microsoft.Extensions.Options (>= 5.0)
    Microsoft.Extensions.Logging.Abstractions (5.0)
    Microsoft.Extensions.Options (5.0)
      Microsoft.Extensions.DependencyInjection.Abstractions (>= 5.0)
      Microsoft.Extensions.Primitives (>= 5.0)
    Microsoft.Extensions.Primitives (5.0.1)
    Microsoft.NET.Test.Sdk (16.11)
      Microsoft.CodeCoverage (>= 16.11)
      Microsoft.TestPlatform.TestHost (>= 16.11)
    Microsoft.NETCore.Platforms (5.0.2)
    Microsoft.TestPlatform.ObjectModel (16.11)
      NuGet.Frameworks (>= 5.0)
      System.Reflection.Metadata (>= 1.6)
    Microsoft.TestPlatform.TestHost (16.11)
      Microsoft.TestPlatform.ObjectModel (>= 16.11)
      Newtonsoft.Json (>= 9.0.1)
    Microsoft.Win32.Registry (5.0)
      System.Security.AccessControl (>= 5.0)
      System.Security.Principal.Windows (>= 5.0)
    Mono.Cecil (0.11.4)
    Newtonsoft.Json (13.0.1)
    NuGet.Frameworks (5.11)
    Perfolizer (0.2.1)
      System.Memory (>= 4.5.3)
    System.Buffers (4.5.1)
    System.CodeDom (5.0)
    System.Collections.Immutable (5.0)
    System.Management (5.0)
      Microsoft.NETCore.Platforms (>= 5.0)
      Microsoft.Win32.Registry (>= 5.0)
      System.CodeDom (>= 5.0)
    System.Memory (4.5.4)
    System.Reflection.Emit (4.7)
    System.Reflection.Emit.Lightweight (4.7)
    System.Reflection.Metadata (5.0)
    System.Runtime.CompilerServices.Unsafe (5.0)
    System.Security.AccessControl (5.0)
      Microsoft.NETCore.Platforms (>= 5.0)
      System.Security.Principal.Windows (>= 5.0)
    System.Security.Principal.Windows (5.0)
    System.Text.Encoding.CodePages (5.0)
      Microsoft.NETCore.Platforms (>= 5.0)
    System.Threading.Tasks.Extensions (4.5.4)
    System.ValueTuple (4.5)
    YoloDev.Expecto.TestSdk (0.12.13)
      Expecto (>= 9.0 < 10.0)
      FSharp.Core (>= 4.6)
      System.Collections.Immutable (>= 1.5)
