STORAGE: NONE
RESTRICTION: || (== net471) (== net8.0) (== net8.0-windows10.0.17763.0) (== netstandard2.0)
NUGET
  remote: https://api.nuget.org/v3/index.json
    Aardium (2.1.1)
      Aardvark.Base (>= 5.3 < 5.4)
      FSharp.Core (>= 8.0)
      FSys (>= 0.0.1 < 0.1)
    Aardvark.Assembler (0.1)
      Aardvark.Base.FSharp (>= 5.3)
      FSharp.Core (>= 8.0)
      FSharp.Data.Adaptive (>= 1.2.13 < 1.3)
    Aardvark.Base (5.3.5)
      Aardvark.Base.Telemetry (5.3.5)
      SingleFileExtractor.Core (>= 2.2.1 < 2.3)
      System.Collections.Immutable (>= 8.0)
      System.Reflection.Metadata (>= 8.0)
      System.Text.Json (>= 8.0.4)
    Aardvark.Base.Essentials (5.3.5)
      Aardvark.Base (5.3.5)
      System.Collections.Immutable (>= 8.0)
    Aardvark.Base.Fonts (5.3.5)
      Aardvark.Base.FSharp (5.3.5)
      FSharp.Core (>= 8.0)
      FuzzySharp (>= 2.0.2 < 2.1)
      Unofficial.LibTessDotNet (>= 2.0.2 < 2.1)
      Unofficial.Typography (>= 0.1 < 0.2)
    Aardvark.Base.FSharp (5.3.5)
      Aardvark.Base (5.3.5)
      Aardvark.Base.TypeProviders (>= 4.5.15 < 4.6)
      FSharp.Core (>= 8.0)
      FSharp.Data.Adaptive (>= 1.2 < 1.3)
      FsPickler (>= 5.3.2 < 5.4)
      System.Dynamic.Runtime (>= 4.3 < 4.4)
    Aardvark.Base.Incremental (5.3.5)
      Aardvark.Base (5.3.5)
      Aardvark.Base.FSharp (5.3.5)
      Aardvark.Base.TypeProviders (>= 4.5.15 < 4.6)
      FSharp.Core (>= 8.0)
      FSharp.Data.Adaptive (>= 1.2 < 1.3)
      FsPickler (>= 5.3.2 < 5.4)
    Aardvark.Base.IO (5.3.5)
      Aardvark.Base (5.3.5)
      Aardvark.Base.Tensors (5.3.5)
      System.Dynamic.Runtime (>= 4.3 < 4.4)
    Aardvark.Base.Telemetry (5.3.5)
    Aardvark.Base.Tensors (5.3.5)
      Aardvark.Base (5.3.5)
      Aardvark.Base.FSharp (5.3.5)
      FSharp.Core (>= 8.0)
    Aardvark.Base.TypeProviders (4.5.15)
      FSharp.Core (>= 3.1.2.5) - restriction: || (== net471) (&& (== net8.0) (>= net45)) (&& (== net8.0-windows10.0.17763.0) (>= net45)) (&& (== netstandard2.0) (>= net45))
      FSharp.Core (>= 4.2.3) - restriction: || (&& (== net471) (< net45)) (== net8.0) (== net8.0-windows10.0.17763.0) (== netstandard2.0)
    Aardvark.Build (1.0.24)
    Aardvark.Data.GLTF (1.0)
      Aardvark.Base.Tensors (>= 5.3 < 5.4)
      Aardvark.Rendering.Common (>= 5.5)
      FSharp.Core (>= 8.0)
      glTF2Loader (>= 1.1.4-alpha < 1.2.0-alpha)
    Aardvark.Data.Opc (0.9)
      Aardvark.Base.Tensors (>= 5.3.2 < 5.4)
      Aardvark.Rendering.Common (>= 5.5)
      FSharp.Core (>= 8.0)
      SharpZipLib (>= 1.4.1 < 1.5)
    Aardvark.FontProvider (0.1)
      Aardvark.Base.Fonts (>= 5.3)
      FSharp.Core (>= 8.0.100)
    Aardvark.Geometry (5.3.5)
      Aardvark.Base (5.3.5)
      Aardvark.Base.FSharp (5.3.5)
      Aardvark.Base.Tensors (5.3.5)
      Aardvark.Base.TypeProviders (>= 4.5.15 < 4.6)
      FSharp.Core (>= 8.0)
      FSharp.Data.Adaptive (>= 1.2 < 1.3)
      FsPickler (>= 5.3.2 < 5.4)
      Unofficial.LibTessDotNet (>= 2.0.2 < 2.1)
    Aardvark.PixImage.DevIL (5.2.33)
      Aardvark.Base.Tensors (>= 5.3 < 5.4)
      DevILSharp
    Aardvark.PixImage.ImageSharp (2.0.1)
      Aardvark.Base.Tensors (>= 5.3 < 5.4)
      FSharp.Core (>= 8.0)
      SixLabors.ImageSharp (>= 2.1.9 < 2.2)
    Aardvark.Rendering.Common (5.5)
      Aardvark.Base (>= 5.3)
      FSharp.Core (>= 8.0)
      System.Reflection.Emit.Lightweight (>= 4.7)
    AssimpNet (5.0.0-beta1)
      NETStandard.Library (>= 1.6.1) - restriction: || (&& (== net471) (< net35)) (== net8.0) (== net8.0-windows10.0.17763.0) (== netstandard2.0)
    BenchmarkDotNet (0.13.12)
      BenchmarkDotNet.Annotations (>= 0.13.12)
      CommandLineParser (>= 2.9.1)
      Gee.External.Capstone (>= 2.3)
      Iced (>= 1.17)
      Microsoft.CodeAnalysis.CSharp (>= 4.1)
      Microsoft.Diagnostics.Runtime (>= 2.2.332302)
      Microsoft.Diagnostics.Tracing.TraceEvent (>= 3.0.2)
      Microsoft.DotNet.PlatformAbstractions (>= 3.1.6)
      Microsoft.Win32.Registry (>= 5.0) - restriction: || (== net471) (&& (== net8.0) (< net6.0)) (&& (== net8.0-windows10.0.17763.0) (< net6.0)) (== netstandard2.0)
      Perfolizer (0.2.1)
      System.Management (>= 5.0)
      System.Numerics.Vectors (>= 4.5) - restriction: || (== net471) (&& (== net8.0) (< net6.0)) (&& (== net8.0-windows10.0.17763.0) (< net6.0)) (== netstandard2.0)
      System.Reflection.Emit (>= 4.7) - restriction: || (== net471) (&& (== net8.0) (< net6.0)) (&& (== net8.0-windows10.0.17763.0) (< net6.0)) (== netstandard2.0)
      System.Reflection.Emit.Lightweight (>= 4.7) - restriction: || (== net471) (&& (== net8.0) (< net6.0)) (&& (== net8.0-windows10.0.17763.0) (< net6.0)) (== netstandard2.0)
      System.Threading.Tasks.Extensions (>= 4.5.4) - restriction: || (== net471) (&& (== net8.0) (< net6.0)) (&& (== net8.0-windows10.0.17763.0) (< net6.0)) (== netstandard2.0)
    BenchmarkDotNet.Annotations (0.14)
    CommandLineParser (2.9.1)
    CommonMark.NET (0.15.1)
    CSharp.Data.Adaptive (1.2.16)
      FSharp.Core (>= 4.7)
      FSharp.Data.Adaptive (1.2.16)
      System.Reflection.Emit.Lightweight (>= 4.6)
    DevILSharp (0.2.20)
      FSharp.Core (>= 5.0)
    Expecto (9.0.4)
      FSharp.Core (>= 4.6)
      Mono.Cecil (>= 0.11.3)
    Expecto.FsCheck (9.0.4)
      Expecto (>= 9.0.4)
      FsCheck (>= 2.14.3)
    Expecto.Hopac (9.0.4)
      Expecto (>= 9.0.4)
      Hopac (>= 0.4.1)
    FsCheck (2.16.6)
      FSharp.Core (>= 4.2.3)
    FShade (5.6)
      FShade.Core (5.6)
      FShade.GLSL (5.6)
      FShade.Imperative (5.6)
      FShade.SpirV (5.6)
    FShade.Core (5.6)
      Aardvark.Base (>= 5.3 < 5.4)
      Aardvark.Base.FSharp (>= 5.3 < 5.4)
      FShade.Imperative (5.6)
      FSharp.Core (>= 8.0)
    FShade.Debug (5.6)
      Aardvark.Base (>= 5.3 < 5.4)
      Aardvark.Base.FSharp (>= 5.3 < 5.4)
      FShade.Core (5.6)
      FShade.Imperative (5.6)
      FSharp.Core (>= 8.0)
    FShade.GLSL (5.6)
      Aardvark.Base (>= 5.3 < 5.4)
      Aardvark.Base.FSharp (>= 5.3 < 5.4)
      FShade.Core (5.6)
      FShade.Imperative (5.6)
      FSharp.Core (>= 8.0)
    FShade.Imperative (5.6)
      Aardvark.Base (>= 5.3 < 5.4)
      Aardvark.Base.FSharp (>= 5.3 < 5.4)
      FSharp.Core (>= 8.0)
      FsPickler (>= 5.3.2 < 5.4)
    FShade.SpirV (5.6)
      Aardvark.Base (>= 5.3 < 5.4)
      Aardvark.Base.FSharp (>= 5.3 < 5.4)
      FShade.Core (5.6)
      FShade.Imperative (5.6)
      FSharp.Core (>= 8.0)
    FSharp.Core (8.0.100)
    FSharp.Data (6.4)
      FSharp.Core (>= 6.0.1)
      FSharp.Data.Csv.Core (>= 6.4)
      FSharp.Data.Html.Core (>= 6.4)
      FSharp.Data.Http (>= 6.4)
      FSharp.Data.Json.Core (>= 6.4)
      FSharp.Data.Runtime.Utilities (>= 6.4)
      FSharp.Data.WorldBank.Core (>= 6.4)
      FSharp.Data.Xml.Core (>= 6.4)
    FSharp.Data.Adaptive (1.2.16)
      FSharp.Core (>= 4.7)
      System.Reflection.Emit.Lightweight (>= 4.6)
    FSharp.Data.Csv.Core (6.4)
      FSharp.Core (>= 6.0.1)
      FSharp.Data.Runtime.Utilities (>= 6.4)
    FSharp.Data.Html.Core (6.4)
      FSharp.Core (>= 6.0.1)
      FSharp.Data.Csv.Core (>= 6.4)
      FSharp.Data.Runtime.Utilities (>= 6.4)
    FSharp.Data.Http (6.4)
      FSharp.Core (>= 6.0.1)
    FSharp.Data.Json.Core (6.4)
      FSharp.Core (>= 6.0.1)
      FSharp.Data.Http (>= 6.4)
      FSharp.Data.Runtime.Utilities (>= 6.4)
    FSharp.Data.Runtime.Utilities (6.4)
      FSharp.Core (>= 6.0.1)
      FSharp.Data.Http (>= 6.4)
    FSharp.Data.WorldBank.Core (6.4)
      FSharp.Core (>= 6.0.1)
      FSharp.Data.Http (>= 6.4)
      FSharp.Data.Json.Core (>= 6.4)
      FSharp.Data.Runtime.Utilities (>= 6.4)
    FSharp.Data.Xml.Core (6.4)
      FSharp.Core (>= 6.0.1)
      FSharp.Data.Http (>= 6.4)
      FSharp.Data.Json.Core (>= 6.4)
      FSharp.Data.Runtime.Utilities (>= 6.4)
    FsPickler (5.3.2)
      FSharp.Core (>= 4.3.2)
      System.Reflection.Emit.Lightweight (>= 4.3) - restriction: || (&& (== net471) (< net45)) (== net8.0) (== net8.0-windows10.0.17763.0) (== netstandard2.0)
    FSys (0.0.1)
      FSharp.Core (>= 4.7)
    FuzzySharp (2.0.2)
    Gee.External.Capstone (2.3)
    GLSLangSharp (0.4.15)
      FSharp.Core (>= 5.0)
    glTF2Loader (1.1.4-alpha)
      NETStandard.Library (>= 1.6.1)
      Newtonsoft.Json (>= 10.0.3)
    Hopac (0.5.1)
      FSharp.Core (>= 4.5.2)
    Iced (1.21)
    Microsoft.Bcl.AsyncInterfaces (8.0) - restriction: || (== net471) (&& (== net8.0) (>= net462)) (&& (== net8.0) (< net6.0)) (&& (== net8.0-windows10.0.17763.0) (>= net462)) (&& (== net8.0-windows10.0.17763.0) (< net6.0)) (== netstandard2.0)
      System.Threading.Tasks.Extensions (>= 4.5.4) - restriction: || (== net471) (&& (== net8.0) (>= net462)) (&& (== net8.0) (< netstandard2.1)) (&& (== net8.0-windows10.0.17763.0) (>= net462)) (&& (== net8.0-windows10.0.17763.0) (< netstandard2.1)) (== netstandard2.0)
    Microsoft.Bcl.HashCode (1.1.1) - restriction: || (== net471) (&& (== net8.0) (< netstandard2.1)) (&& (== net8.0-windows10.0.17763.0) (< netstandard2.1)) (== netstandard2.0)
    Microsoft.CodeAnalysis.Analyzers (3.3.4)
    Microsoft.CodeAnalysis.Common (4.11)
      Microsoft.CodeAnalysis.Analyzers (>= 3.3.4)
      System.Buffers (>= 4.5.1) - restriction: || (== net471) (&& (== net8.0) (< net7.0)) (&& (== net8.0-windows10.0.17763.0) (< net7.0)) (== netstandard2.0)
      System.Collections.Immutable (>= 8.0)
      System.Memory (>= 4.5.5) - restriction: || (== net471) (&& (== net8.0) (< net7.0)) (&& (== net8.0-windows10.0.17763.0) (< net7.0)) (== netstandard2.0)
      System.Numerics.Vectors (>= 4.5) - restriction: || (== net471) (&& (== net8.0) (< net7.0)) (&& (== net8.0-windows10.0.17763.0) (< net7.0)) (== netstandard2.0)
      System.Reflection.Metadata (>= 8.0)
      System.Runtime.CompilerServices.Unsafe (>= 6.0) - restriction: || (== net471) (&& (== net8.0) (< net7.0)) (&& (== net8.0-windows10.0.17763.0) (< net7.0)) (== netstandard2.0)
      System.Text.Encoding.CodePages (>= 7.0) - restriction: || (== net471) (&& (== net8.0) (< net7.0)) (&& (== net8.0-windows10.0.17763.0) (< net7.0)) (== netstandard2.0)
      System.Threading.Tasks.Extensions (>= 4.5.4) - restriction: || (== net471) (&& (== net8.0) (< net7.0)) (&& (== net8.0-windows10.0.17763.0) (< net7.0)) (== netstandard2.0)
    Microsoft.CodeAnalysis.CSharp (4.11)
      Microsoft.CodeAnalysis.Analyzers (>= 3.3.4)
      Microsoft.CodeAnalysis.Common (4.11)
      System.Buffers (>= 4.5.1) - restriction: || (== net471) (&& (== net8.0) (< net7.0)) (&& (== net8.0-windows10.0.17763.0) (< net7.0)) (== netstandard2.0)
      System.Collections.Immutable (>= 8.0)
      System.Memory (>= 4.5.5) - restriction: || (== net471) (&& (== net8.0) (< net7.0)) (&& (== net8.0-windows10.0.17763.0) (< net7.0)) (== netstandard2.0)
      System.Numerics.Vectors (>= 4.5) - restriction: || (== net471) (&& (== net8.0) (< net7.0)) (&& (== net8.0-windows10.0.17763.0) (< net7.0)) (== netstandard2.0)
      System.Reflection.Metadata (>= 8.0)
      System.Runtime.CompilerServices.Unsafe (>= 6.0) - restriction: || (== net471) (&& (== net8.0) (< net7.0)) (&& (== net8.0-windows10.0.17763.0) (< net7.0)) (== netstandard2.0)
      System.Text.Encoding.CodePages (>= 7.0) - restriction: || (== net471) (&& (== net8.0) (< net7.0)) (&& (== net8.0-windows10.0.17763.0) (< net7.0)) (== netstandard2.0)
      System.Threading.Tasks.Extensions (>= 4.5.4) - restriction: || (== net471) (&& (== net8.0) (< net7.0)) (&& (== net8.0-windows10.0.17763.0) (< net7.0)) (== netstandard2.0)
    Microsoft.CodeCoverage (17.11.1) - restriction: || (== net471) (== net8.0) (== net8.0-windows10.0.17763.0) (&& (== netstandard2.0) (>= net462)) (&& (== netstandard2.0) (>= netcoreapp3.1))
    Microsoft.CSharp (4.7)
    Microsoft.Diagnostics.NETCore.Client (0.2.532401)
      Microsoft.Bcl.AsyncInterfaces (>= 6.0) - restriction: || (== net471) (&& (== net8.0) (< net6.0)) (&& (== net8.0-windows10.0.17763.0) (< net6.0)) (== netstandard2.0)
      Microsoft.Extensions.Logging.Abstractions (>= 6.0.4)
      System.Buffers (>= 4.5.1) - restriction: || (== net471) (&& (== net8.0) (< net6.0)) (&& (== net8.0-windows10.0.17763.0) (< net6.0)) (== netstandard2.0)
    Microsoft.Diagnostics.Runtime (3.1.512801)
      Microsoft.Diagnostics.NETCore.Client (>= 0.2.410101)
      System.Collections.Immutable (>= 6.0) - restriction: || (== net471) (&& (== net8.0) (< net6.0)) (&& (== net8.0-windows10.0.17763.0) (< net6.0)) (== netstandard2.0)
      System.Runtime.CompilerServices.Unsafe (>= 6.0) - restriction: || (== net471) (&& (== net8.0) (< net6.0)) (&& (== net8.0-windows10.0.17763.0) (< net6.0)) (== netstandard2.0)
    Microsoft.Diagnostics.Tracing.TraceEvent (3.1.15)
      Microsoft.Diagnostics.NETCore.Client (>= 0.2.510501)
      Microsoft.Win32.Registry (>= 5.0)
      System.Collections.Immutable (>= 8.0)
      System.Reflection.Metadata (>= 8.0)
      System.Reflection.TypeExtensions (>= 4.7)
      System.Runtime.CompilerServices.Unsafe (>= 6.0)
    Microsoft.DotNet.PlatformAbstractions (3.1.6)
      System.Runtime.InteropServices.RuntimeInformation (>= 4.0) - restriction: || (== net471) (&& (== net8.0) (>= net45)) (&& (== net8.0) (< netstandard2.0)) (&& (== net8.0-windows10.0.17763.0) (>= net45)) (&& (== net8.0-windows10.0.17763.0) (< netstandard2.0)) (&& (== netstandard2.0) (>= net45))
    Microsoft.Extensions.DependencyInjection.Abstractions (8.0.1)
      Microsoft.Bcl.AsyncInterfaces (>= 8.0) - restriction: || (== net471) (&& (== net8.0) (>= net462)) (&& (== net8.0) (< netstandard2.1)) (&& (== net8.0-windows10.0.17763.0) (>= net462)) (&& (== net8.0-windows10.0.17763.0) (< netstandard2.1)) (== netstandard2.0)
      System.Threading.Tasks.Extensions (>= 4.5.4) - restriction: || (== net471) (&& (== net8.0) (>= net462)) (&& (== net8.0) (< netstandard2.1)) (&& (== net8.0-windows10.0.17763.0) (>= net462)) (&& (== net8.0-windows10.0.17763.0) (< netstandard2.1)) (== netstandard2.0)
    Microsoft.Extensions.DependencyModel (6.0)
      System.Buffers (>= 4.5.1)
      System.Memory (>= 4.5.4)
      System.Runtime.CompilerServices.Unsafe (>= 6.0)
      System.Runtime.InteropServices.RuntimeInformation (>= 4.3) - restriction: || (== net471) (&& (== net8.0) (>= net461)) (&& (== net8.0-windows10.0.17763.0) (>= net461)) (&& (== netstandard2.0) (>= net461))
      System.Text.Encodings.Web (>= 6.0)
      System.Text.Json (>= 6.0)
    Microsoft.Extensions.Logging.Abstractions (8.0.1)
      Microsoft.Extensions.DependencyInjection.Abstractions (>= 8.0.1)
      System.Buffers (>= 4.5.1) - restriction: || (== net471) (&& (== net8.0) (>= net462)) (&& (== net8.0) (< net6.0)) (&& (== net8.0-windows10.0.17763.0) (>= net462)) (&& (== net8.0-windows10.0.17763.0) (< net6.0)) (== netstandard2.0)
      System.Memory (>= 4.5.5) - restriction: || (== net471) (&& (== net8.0) (>= net462)) (&& (== net8.0) (< net6.0)) (&& (== net8.0-windows10.0.17763.0) (>= net462)) (&& (== net8.0-windows10.0.17763.0) (< net6.0)) (== netstandard2.0)
    Microsoft.NET.Test.Sdk (17.5)
      Microsoft.CodeCoverage (>= 17.5) - restriction: || (== net471) (== net8.0) (== net8.0-windows10.0.17763.0) (&& (== netstandard2.0) (>= net462)) (&& (== netstandard2.0) (>= netcoreapp3.1))
      Microsoft.TestPlatform.TestHost (>= 17.5) - restriction: || (&& (== net471) (>= netcoreapp3.1)) (== net8.0) (== net8.0-windows10.0.17763.0) (&& (== netstandard2.0) (>= netcoreapp3.1))
    Microsoft.NETCore.Platforms (6.0.3) - restriction: || (&& (== net471) (< net45)) (== net8.0) (== net8.0-windows10.0.17763.0) (== netstandard2.0)
    Microsoft.NETCore.Targets (5.0) - restriction: || (&& (== net471) (< net45)) (== net8.0) (== net8.0-windows10.0.17763.0) (== netstandard2.0)
    Microsoft.NETFramework.ReferenceAssemblies (1.0)
      Microsoft.NETFramework.ReferenceAssemblies.net471 (>= 1.0) - restriction: || (== net471) (&& (== net8.0) (>= net471)) (&& (== net8.0-windows10.0.17763.0) (>= net471)) (&& (== netstandard2.0) (>= net471))
    Microsoft.NETFramework.ReferenceAssemblies.net471 (1.0.2) - restriction: || (== net471) (&& (== net8.0) (>= net471)) (&& (== net8.0-windows10.0.17763.0) (>= net471)) (&& (== netstandard2.0) (>= net471))
    Microsoft.TestPlatform.ObjectModel (17.11.1) - restriction: || (&& (== net471) (>= netcoreapp3.1)) (== net8.0) (== net8.0-windows10.0.17763.0) (&& (== netstandard2.0) (>= netcoreapp3.1))
      System.Reflection.Metadata (>= 1.6)
    Microsoft.TestPlatform.TestHost (17.11.1) - restriction: || (&& (== net471) (>= netcoreapp3.1)) (== net8.0) (== net8.0-windows10.0.17763.0) (&& (== netstandard2.0) (>= netcoreapp3.1))
      Microsoft.TestPlatform.ObjectModel (>= 17.11.1) - restriction: || (&& (== net471) (>= netcoreapp3.1)) (== net8.0) (== net8.0-windows10.0.17763.0) (&& (== netstandard2.0) (>= netcoreapp3.1))
      Newtonsoft.Json (>= 13.0.1) - restriction: || (&& (== net471) (>= netcoreapp3.1)) (== net8.0) (== net8.0-windows10.0.17763.0) (&& (== netstandard2.0) (>= netcoreapp3.1))
    Microsoft.Win32.Registry (5.0)
      System.Buffers (>= 4.5.1) - restriction: || (&& (== net471) (>= monoandroid) (< netstandard1.3)) (&& (== net471) (>= monotouch)) (&& (== net471) (< net46)) (&& (== net471) (>= xamarinios)) (&& (== net471) (>= xamarinmac)) (&& (== net471) (>= xamarintvos)) (&& (== net471) (>= xamarinwatchos)) (&& (== net8.0) (>= monoandroid) (< netstandard1.3)) (&& (== net8.0) (>= monotouch)) (&& (== net8.0) (< netcoreapp2.0)) (&& (== net8.0) (>= xamarinios)) (&& (== net8.0) (>= xamarinmac)) (&& (== net8.0) (>= xamarintvos)) (&& (== net8.0) (>= xamarinwatchos)) (&& (== net8.0-windows10.0.17763.0) (>= monoandroid) (< netstandard1.3)) (&& (== net8.0-windows10.0.17763.0) (>= monotouch)) (&& (== net8.0-windows10.0.17763.0) (< netcoreapp2.0)) (&& (== net8.0-windows10.0.17763.0) (>= xamarinios)) (&& (== net8.0-windows10.0.17763.0) (>= xamarinmac)) (&& (== net8.0-windows10.0.17763.0) (>= xamarintvos)) (&& (== net8.0-windows10.0.17763.0) (>= xamarinwatchos)) (== netstandard2.0)
      System.Memory (>= 4.5.4) - restriction: || (&& (== net471) (< net46)) (&& (== net471) (>= netcoreapp2.0)) (&& (== net471) (>= uap10.1)) (&& (== net8.0) (< netcoreapp2.0)) (&& (== net8.0) (< netcoreapp2.1)) (&& (== net8.0) (>= uap10.1)) (&& (== net8.0-windows10.0.17763.0) (< netcoreapp2.0)) (&& (== net8.0-windows10.0.17763.0) (< netcoreapp2.1)) (&& (== net8.0-windows10.0.17763.0) (>= uap10.1)) (== netstandard2.0)
      System.Security.AccessControl (>= 5.0)
      System.Security.Principal.Windows (>= 5.0)
    Mono.Cecil (0.11.5)
    NETStandard.Library (2.0.3)
      Microsoft.NETCore.Platforms (>= 1.1)
    Newtonsoft.Json (13.0.1)
    Offler (2.1.1)
      Aardium (2.1.1)
      Aardvark.Base.Tensors (>= 5.3 < 5.4)
      FSharp.Core (>= 8.0)
      FSys (>= 0.0.1 < 0.1)
      Newtonsoft.Json (>= 13.0)
    Perfolizer (0.2.1)
      System.Memory (>= 4.5.3)
    SharpZipLib (1.4.2)
      System.Memory (>= 4.5.4) - restriction: || (== net471) (&& (== net8.0) (< netstandard2.1)) (&& (== net8.0-windows10.0.17763.0) (< netstandard2.1)) (== netstandard2.0)
      System.Threading.Tasks.Extensions (>= 4.5.2) - restriction: || (== net471) (&& (== net8.0) (< netstandard2.1)) (&& (== net8.0-windows10.0.17763.0) (< netstandard2.1)) (== netstandard2.0)
    Silk.NET.Core (2.15)
      Microsoft.Bcl.HashCode (>= 1.1.1) - restriction: || (== net471) (&& (== net8.0) (< netstandard2.1)) (&& (== net8.0-windows10.0.17763.0) (< netstandard2.1)) (== netstandard2.0)
      Microsoft.CSharp (>= 4.7)
      Microsoft.DotNet.PlatformAbstractions (>= 3.1.6)
      Microsoft.Extensions.DependencyModel (>= 5.0)
      System.Memory (>= 4.5.4)
      System.Numerics.Vectors (>= 4.5)
      System.Runtime.CompilerServices.Unsafe (>= 6.0)
    Silk.NET.Direct3D9 (2.15)
      Silk.NET.Core (>= 2.15)
      Silk.NET.Maths (>= 2.15)
    Silk.NET.GLFW (2.15)
      Silk.NET.Core (>= 2.15)
      Ultz.Native.GLFW (>= 3.3.3.1)
    Silk.NET.Maths (2.21)
      Microsoft.Bcl.HashCode (>= 1.1.1) - restriction: || (== net471) (&& (== net8.0) (< netstandard2.1)) (&& (== net8.0-windows10.0.17763.0) (< netstandard2.1)) (== netstandard2.0)
      Ultz.Bcl.Half (>= 1.0) - restriction: || (== net471) (&& (== net8.0) (< net5.0)) (&& (== net8.0) (>= net6.0-android)) (&& (== net8.0) (>= net6.0-ios)) (&& (== net8.0) (< netcoreapp3.1)) (&& (== net8.0) (< netstandard2.1)) (&& (== net8.0-windows10.0.17763.0) (< net5.0)) (&& (== net8.0-windows10.0.17763.0) (>= net6.0-android)) (&& (== net8.0-windows10.0.17763.0) (>= net6.0-ios)) (&& (== net8.0-windows10.0.17763.0) (< netcoreapp3.1)) (&& (== net8.0-windows10.0.17763.0) (< netstandard2.1)) (== netstandard2.0)
    SingleFileExtractor.Core (2.2.1)
      System.Memory (>= 4.5.5) - restriction: || (== net471) (&& (== net8.0) (< netstandard2.1)) (&& (== net8.0-windows10.0.17763.0) (< netstandard2.1)) (== netstandard2.0)
    SixLabors.ImageSharp (2.1.9)
      System.Buffers (>= 4.5.1) - restriction: || (== net471) (&& (== net8.0) (>= net472)) (&& (== net8.0) (< netcoreapp2.1)) (&& (== net8.0-windows10.0.17763.0) (>= net472)) (&& (== net8.0-windows10.0.17763.0) (< netcoreapp2.1)) (== netstandard2.0)
      System.Memory (>= 4.5.4) - restriction: || (== net471) (&& (== net8.0) (>= net472)) (&& (== net8.0) (< netcoreapp2.1)) (&& (== net8.0-windows10.0.17763.0) (>= net472)) (&& (== net8.0-windows10.0.17763.0) (< netcoreapp2.1)) (== netstandard2.0)
      System.Numerics.Vectors (>= 4.5) - restriction: || (== net471) (&& (== net8.0) (>= net472)) (&& (== net8.0) (< netcoreapp2.1)) (&& (== net8.0-windows10.0.17763.0) (>= net472)) (&& (== net8.0-windows10.0.17763.0) (< netcoreapp2.1)) (== netstandard2.0)
      System.Runtime.CompilerServices.Unsafe (>= 5.0)
      System.Text.Encoding.CodePages (>= 5.0)
    System.Buffers (4.5.1)
    System.CodeDom (8.0)
    System.Collections (4.3) - restriction: || (&& (== net471) (< net45)) (== net8.0) (== net8.0-windows10.0.17763.0) (== netstandard2.0)
      Microsoft.NETCore.Platforms (>= 1.1) - restriction: || (&& (== net471) (< net45)) (== net8.0) (== net8.0-windows10.0.17763.0) (== netstandard2.0)
      Microsoft.NETCore.Targets (>= 1.1) - restriction: || (&& (== net471) (< net45)) (== net8.0) (== net8.0-windows10.0.17763.0) (== netstandard2.0)
      System.Runtime (>= 4.3) - restriction: || (&& (== net471) (< net45)) (== net8.0) (== net8.0-windows10.0.17763.0) (== netstandard2.0)
    System.Collections.Immutable (8.0)
      System.Memory (>= 4.5.5) - restriction: || (== net471) (&& (== net8.0) (>= net462)) (&& (== net8.0) (< net6.0)) (&& (== net8.0-windows10.0.17763.0) (>= net462)) (&& (== net8.0-windows10.0.17763.0) (< net6.0)) (== netstandard2.0)
      System.Runtime.CompilerServices.Unsafe (>= 6.0) - restriction: || (== net471) (&& (== net8.0) (>= net462)) (&& (== net8.0) (< net6.0)) (&& (== net8.0) (< net7.0)) (&& (== net8.0-windows10.0.17763.0) (>= net462)) (&& (== net8.0-windows10.0.17763.0) (< net6.0)) (&& (== net8.0-windows10.0.17763.0) (< net7.0)) (== netstandard2.0)
    System.Diagnostics.Debug (4.3) - restriction: || (&& (== net471) (< net45)) (== net8.0) (== net8.0-windows10.0.17763.0) (== netstandard2.0)
      Microsoft.NETCore.Platforms (>= 1.1) - restriction: || (&& (== net471) (< net45)) (== net8.0) (== net8.0-windows10.0.17763.0) (== netstandard2.0)
      Microsoft.NETCore.Targets (>= 1.1) - restriction: || (&& (== net471) (< net45)) (== net8.0) (== net8.0-windows10.0.17763.0) (== netstandard2.0)
      System.Runtime (>= 4.3) - restriction: || (&& (== net471) (< net45)) (== net8.0) (== net8.0-windows10.0.17763.0) (== netstandard2.0)
    System.Dynamic.Runtime (4.3)
      System.Collections (>= 4.3) - restriction: || (&& (== net471) (< net45)) (== net8.0) (== net8.0-windows10.0.17763.0) (== netstandard2.0)
      System.Diagnostics.Debug (>= 4.3) - restriction: || (&& (== net471) (< net45)) (== net8.0) (== net8.0-windows10.0.17763.0) (== netstandard2.0)
      System.Linq (>= 4.3) - restriction: || (&& (== net471) (< net45)) (== net8.0) (== net8.0-windows10.0.17763.0) (== netstandard2.0)
      System.Linq.Expressions (>= 4.3) - restriction: || (&& (== net471) (< net45)) (== net8.0) (== net8.0-windows10.0.17763.0) (== netstandard2.0)
      System.ObjectModel (>= 4.3) - restriction: || (&& (== net471) (< net45)) (== net8.0) (== net8.0-windows10.0.17763.0) (== netstandard2.0)
      System.Reflection (>= 4.3) - restriction: || (&& (== net471) (< net45)) (== net8.0) (== net8.0-windows10.0.17763.0) (== netstandard2.0)
      System.Reflection.Emit (>= 4.3) - restriction: || (&& (== net471) (< net45)) (== net8.0) (== net8.0-windows10.0.17763.0) (== netstandard2.0)
      System.Reflection.Emit.ILGeneration (>= 4.3) - restriction: || (&& (== net471) (< net45)) (== net8.0) (== net8.0-windows10.0.17763.0) (== netstandard2.0)
      System.Reflection.Primitives (>= 4.3) - restriction: || (&& (== net471) (< net45)) (== net8.0) (== net8.0-windows10.0.17763.0) (== netstandard2.0)
      System.Reflection.TypeExtensions (>= 4.3) - restriction: || (&& (== net471) (< net45)) (== net8.0) (== net8.0-windows10.0.17763.0) (== netstandard2.0)
      System.Resources.ResourceManager (>= 4.3) - restriction: || (&& (== net471) (< net45)) (== net8.0) (== net8.0-windows10.0.17763.0) (== netstandard2.0)
      System.Runtime (>= 4.3) - restriction: || (&& (== net471) (< net45)) (== net8.0) (== net8.0-windows10.0.17763.0) (== netstandard2.0)
      System.Runtime.Extensions (>= 4.3) - restriction: || (&& (== net471) (< net45)) (== net8.0) (== net8.0-windows10.0.17763.0) (== netstandard2.0)
      System.Threading (>= 4.3) - restriction: || (&& (== net471) (< net45)) (== net8.0) (== net8.0-windows10.0.17763.0) (== netstandard2.0)
    System.Globalization (4.3) - restriction: || (&& (== net471) (< net45)) (== net8.0) (== net8.0-windows10.0.17763.0) (== netstandard2.0)
      Microsoft.NETCore.Platforms (>= 1.1) - restriction: || (&& (== net471) (< net45)) (== net8.0) (== net8.0-windows10.0.17763.0) (== netstandard2.0)
      Microsoft.NETCore.Targets (>= 1.1) - restriction: || (&& (== net471) (< net45)) (== net8.0) (== net8.0-windows10.0.17763.0) (== netstandard2.0)
      System.Runtime (>= 4.3) - restriction: || (&& (== net471) (< net45)) (== net8.0) (== net8.0-windows10.0.17763.0) (== netstandard2.0)
    System.IO (4.3) - restriction: || (&& (== net471) (< net45)) (== net8.0) (== net8.0-windows10.0.17763.0) (== netstandard2.0)
      Microsoft.NETCore.Platforms (>= 1.1) - restriction: || (&& (== net471) (< net45)) (== net8.0) (== net8.0-windows10.0.17763.0) (== netstandard2.0)
      Microsoft.NETCore.Targets (>= 1.1) - restriction: || (&& (== net471) (< net45)) (== net8.0) (== net8.0-windows10.0.17763.0) (== netstandard2.0)
      System.Runtime (>= 4.3) - restriction: || (&& (== net471) (< net45)) (== net8.0) (== net8.0-windows10.0.17763.0) (== netstandard2.0)
      System.Text.Encoding (>= 4.3) - restriction: || (&& (== net471) (< net45)) (== net8.0) (== net8.0-windows10.0.17763.0) (== netstandard2.0)
      System.Threading.Tasks (>= 4.3) - restriction: || (&& (== net471) (< net45)) (== net8.0) (== net8.0-windows10.0.17763.0) (== netstandard2.0)
    System.Linq (4.3) - restriction: || (&& (== net471) (< net45)) (== net8.0) (== net8.0-windows10.0.17763.0) (== netstandard2.0)
      System.Collections (>= 4.3) - restriction: || (&& (== net471) (< net45)) (== net8.0) (== net8.0-windows10.0.17763.0) (== netstandard2.0)
      System.Diagnostics.Debug (>= 4.3) - restriction: || (&& (== net471) (< net45)) (== net8.0) (== net8.0-windows10.0.17763.0) (== netstandard2.0)
      System.Resources.ResourceManager (>= 4.3) - restriction: || (&& (== net471) (< net45)) (== net8.0) (== net8.0-windows10.0.17763.0) (== netstandard2.0)
      System.Runtime (>= 4.3) - restriction: || (&& (== net471) (< net45)) (== net8.0) (== net8.0-windows10.0.17763.0) (== netstandard2.0)
      System.Runtime.Extensions (>= 4.3) - restriction: || (&& (== net471) (< net45)) (== net8.0) (== net8.0-windows10.0.17763.0) (== netstandard2.0)
    System.Linq.Expressions (4.3) - restriction: || (&& (== net471) (< net45)) (== net8.0) (== net8.0-windows10.0.17763.0) (== netstandard2.0)
      System.Collections (>= 4.3) - restriction: || (&& (== net471) (< net45)) (== net8.0) (== net8.0-windows10.0.17763.0) (== netstandard2.0)
      System.Diagnostics.Debug (>= 4.3) - restriction: || (&& (== net471) (< net45)) (== net8.0) (== net8.0-windows10.0.17763.0) (== netstandard2.0)
      System.Globalization (>= 4.3) - restriction: || (&& (== net471) (< net45)) (== net8.0) (== net8.0-windows10.0.17763.0) (== netstandard2.0)
      System.IO (>= 4.3) - restriction: || (&& (== net471) (< net45)) (== net8.0) (== net8.0-windows10.0.17763.0) (== netstandard2.0)
      System.Linq (>= 4.3) - restriction: || (&& (== net471) (< net45)) (== net8.0) (== net8.0-windows10.0.17763.0) (== netstandard2.0)
      System.ObjectModel (>= 4.3) - restriction: || (&& (== net471) (< net45)) (== net8.0) (== net8.0-windows10.0.17763.0) (== netstandard2.0)
      System.Reflection (>= 4.3) - restriction: || (&& (== net471) (< net45)) (== net8.0) (== net8.0-windows10.0.17763.0) (== netstandard2.0)
      System.Reflection.Emit (>= 4.3) - restriction: || (&& (== net471) (< net45)) (== net8.0) (== net8.0-windows10.0.17763.0) (== netstandard2.0)
      System.Reflection.Emit.ILGeneration (>= 4.3) - restriction: || (&& (== net471) (< net45)) (== net8.0) (== net8.0-windows10.0.17763.0) (== netstandard2.0)
      System.Reflection.Emit.Lightweight (>= 4.3) - restriction: || (&& (== net471) (< net45)) (== net8.0) (== net8.0-windows10.0.17763.0) (== netstandard2.0)
      System.Reflection.Extensions (>= 4.3) - restriction: || (&& (== net471) (< net45)) (== net8.0) (== net8.0-windows10.0.17763.0) (== netstandard2.0)
      System.Reflection.Primitives (>= 4.3) - restriction: || (&& (== net471) (< net45)) (== net8.0) (== net8.0-windows10.0.17763.0) (== netstandard2.0)
      System.Reflection.TypeExtensions (>= 4.3) - restriction: || (&& (== net471) (< net45)) (== net8.0) (== net8.0-windows10.0.17763.0) (== netstandard2.0)
      System.Resources.ResourceManager (>= 4.3) - restriction: || (&& (== net471) (< net45)) (== net8.0) (== net8.0-windows10.0.17763.0) (== netstandard2.0)
      System.Runtime (>= 4.3) - restriction: || (&& (== net471) (< net45)) (== net8.0) (== net8.0-windows10.0.17763.0) (== netstandard2.0)
      System.Runtime.Extensions (>= 4.3) - restriction: || (&& (== net471) (< net45)) (== net8.0) (== net8.0-windows10.0.17763.0) (== netstandard2.0)
      System.Threading (>= 4.3) - restriction: || (&& (== net471) (< net45)) (== net8.0) (== net8.0-windows10.0.17763.0) (== netstandard2.0)
    System.Management (8.0)
      System.CodeDom (>= 8.0)
    System.Memory (4.5.5)
      System.Buffers (>= 4.5.1) - restriction: || (== net471) (&& (== net8.0) (>= monotouch)) (&& (== net8.0) (>= net461)) (&& (== net8.0) (< netcoreapp2.0)) (&& (== net8.0) (< netstandard1.1)) (&& (== net8.0) (< netstandard2.0)) (&& (== net8.0) (>= xamarinios)) (&& (== net8.0) (>= xamarinmac)) (&& (== net8.0) (>= xamarintvos)) (&& (== net8.0) (>= xamarinwatchos)) (&& (== net8.0-windows10.0.17763.0) (>= monotouch)) (&& (== net8.0-windows10.0.17763.0) (>= net461)) (&& (== net8.0-windows10.0.17763.0) (< netcoreapp2.0)) (&& (== net8.0-windows10.0.17763.0) (< netstandard1.1)) (&& (== net8.0-windows10.0.17763.0) (< netstandard2.0)) (&& (== net8.0-windows10.0.17763.0) (>= xamarinios)) (&& (== net8.0-windows10.0.17763.0) (>= xamarinmac)) (&& (== net8.0-windows10.0.17763.0) (>= xamarintvos)) (&& (== net8.0-windows10.0.17763.0) (>= xamarinwatchos)) (== netstandard2.0)
      System.Numerics.Vectors (>= 4.4) - restriction: || (&& (== net471) (< net45)) (&& (== net8.0) (< netcoreapp2.0)) (&& (== net8.0-windows10.0.17763.0) (< netcoreapp2.0)) (== netstandard2.0)
      System.Numerics.Vectors (>= 4.5) - restriction: || (== net471) (&& (== net8.0) (>= net461)) (&& (== net8.0-windows10.0.17763.0) (>= net461)) (&& (== netstandard2.0) (>= net461))
      System.Runtime.CompilerServices.Unsafe (>= 4.5.3) - restriction: || (== net471) (&& (== net8.0) (>= monotouch)) (&& (== net8.0) (>= net461)) (&& (== net8.0) (< netcoreapp2.0)) (&& (== net8.0) (< netcoreapp2.1)) (&& (== net8.0) (< netstandard1.1)) (&& (== net8.0) (< netstandard2.0)) (&& (== net8.0) (>= uap10.1)) (&& (== net8.0) (>= xamarinios)) (&& (== net8.0) (>= xamarinmac)) (&& (== net8.0) (>= xamarintvos)) (&& (== net8.0) (>= xamarinwatchos)) (&& (== net8.0-windows10.0.17763.0) (>= monotouch)) (&& (== net8.0-windows10.0.17763.0) (>= net461)) (&& (== net8.0-windows10.0.17763.0) (< netcoreapp2.0)) (&& (== net8.0-windows10.0.17763.0) (< netcoreapp2.1)) (&& (== net8.0-windows10.0.17763.0) (< netstandard1.1)) (&& (== net8.0-windows10.0.17763.0) (< netstandard2.0)) (&& (== net8.0-windows10.0.17763.0) (>= uap10.1)) (&& (== net8.0-windows10.0.17763.0) (>= xamarinios)) (&& (== net8.0-windows10.0.17763.0) (>= xamarinmac)) (&& (== net8.0-windows10.0.17763.0) (>= xamarintvos)) (&& (== net8.0-windows10.0.17763.0) (>= xamarinwatchos)) (== netstandard2.0)
    System.Numerics.Vectors (4.5)
    System.ObjectModel (4.3) - restriction: || (&& (== net471) (< net45)) (== net8.0) (== net8.0-windows10.0.17763.0) (== netstandard2.0)
      System.Collections (>= 4.3) - restriction: || (&& (== net471) (< net45)) (== net8.0) (== net8.0-windows10.0.17763.0) (== netstandard2.0)
      System.Diagnostics.Debug (>= 4.3) - restriction: || (&& (== net471) (< net45)) (== net8.0) (== net8.0-windows10.0.17763.0) (== netstandard2.0)
      System.Resources.ResourceManager (>= 4.3) - restriction: || (&& (== net471) (< net45)) (== net8.0) (== net8.0-windows10.0.17763.0) (== netstandard2.0)
      System.Runtime (>= 4.3) - restriction: || (&& (== net471) (< net45)) (== net8.0) (== net8.0-windows10.0.17763.0) (== netstandard2.0)
      System.Threading (>= 4.3) - restriction: || (&& (== net471) (< net45)) (== net8.0) (== net8.0-windows10.0.17763.0) (== netstandard2.0)
    System.Reflection (4.3) - restriction: || (&& (== net471) (< net45)) (== net8.0) (== net8.0-windows10.0.17763.0) (== netstandard2.0)
      Microsoft.NETCore.Platforms (>= 1.1) - restriction: || (&& (== net471) (< net45)) (== net8.0) (== net8.0-windows10.0.17763.0) (== netstandard2.0)
      Microsoft.NETCore.Targets (>= 1.1) - restriction: || (&& (== net471) (< net45)) (== net8.0) (== net8.0-windows10.0.17763.0) (== netstandard2.0)
      System.IO (>= 4.3) - restriction: || (&& (== net471) (< net45)) (== net8.0) (== net8.0-windows10.0.17763.0) (== netstandard2.0)
      System.Reflection.Primitives (>= 4.3) - restriction: || (&& (== net471) (< net45)) (== net8.0) (== net8.0-windows10.0.17763.0) (== netstandard2.0)
      System.Runtime (>= 4.3) - restriction: || (&& (== net471) (< net45)) (== net8.0) (== net8.0-windows10.0.17763.0) (== netstandard2.0)
    System.Reflection.Emit (4.7)
      System.Reflection.Emit.ILGeneration (>= 4.7) - restriction: || (&& (== net471) (< net45)) (&& (== net471) (< netstandard1.1)) (&& (== net471) (< netstandard2.0) (>= wpa81)) (&& (== net471) (>= uap10.1)) (&& (== net8.0) (< netcoreapp2.0) (< netstandard2.1)) (&& (== net8.0) (< netstandard1.1)) (&& (== net8.0) (< netstandard2.0)) (&& (== net8.0) (>= uap10.1)) (&& (== net8.0-windows10.0.17763.0) (< netcoreapp2.0) (< netstandard2.1)) (&& (== net8.0-windows10.0.17763.0) (< netstandard1.1)) (&& (== net8.0-windows10.0.17763.0) (< netstandard2.0)) (&& (== net8.0-windows10.0.17763.0) (>= uap10.1)) (== netstandard2.0)
    System.Reflection.Emit.ILGeneration (4.7) - restriction: || (&& (== net471) (< net45)) (&& (== net471) (< netstandard1.1)) (&& (== net471) (< netstandard2.0) (>= wpa81)) (&& (== net471) (>= uap10.1)) (== net8.0) (== net8.0-windows10.0.17763.0) (== netstandard2.0)
    System.Reflection.Emit.Lightweight (4.7)
      System.Reflection.Emit.ILGeneration (>= 4.7) - restriction: || (&& (== net471) (< net45)) (&& (== net471) (< netstandard2.0) (>= wpa81)) (&& (== net471) (< portable-net45+wp8)) (&& (== net471) (>= uap10.1)) (&& (== net8.0) (< netcoreapp2.0) (< netstandard2.1)) (&& (== net8.0) (< netstandard2.0)) (&& (== net8.0) (< portable-net45+wp8)) (&& (== net8.0) (>= uap10.1)) (&& (== net8.0-windows10.0.17763.0) (< netcoreapp2.0) (< netstandard2.1)) (&& (== net8.0-windows10.0.17763.0) (< netstandard2.0)) (&& (== net8.0-windows10.0.17763.0) (< portable-net45+wp8)) (&& (== net8.0-windows10.0.17763.0) (>= uap10.1)) (== netstandard2.0)
    System.Reflection.Extensions (4.3) - restriction: || (&& (== net471) (< net45)) (== net8.0) (== net8.0-windows10.0.17763.0) (== netstandard2.0)
      Microsoft.NETCore.Platforms (>= 1.1) - restriction: || (&& (== net471) (< net45)) (== net8.0) (== net8.0-windows10.0.17763.0) (== netstandard2.0)
      Microsoft.NETCore.Targets (>= 1.1) - restriction: || (&& (== net471) (< net45)) (== net8.0) (== net8.0-windows10.0.17763.0) (== netstandard2.0)
      System.Reflection (>= 4.3) - restriction: || (&& (== net471) (< net45)) (== net8.0) (== net8.0-windows10.0.17763.0) (== netstandard2.0)
      System.Runtime (>= 4.3) - restriction: || (&& (== net471) (< net45)) (== net8.0) (== net8.0-windows10.0.17763.0) (== netstandard2.0)
    System.Reflection.Metadata (8.0)
      System.Collections.Immutable (>= 8.0)
      System.Memory (>= 4.5.5) - restriction: || (== net471) (&& (== net8.0) (>= net462)) (&& (== net8.0) (< net6.0)) (&& (== net8.0-windows10.0.17763.0) (>= net462)) (&& (== net8.0-windows10.0.17763.0) (< net6.0)) (== netstandard2.0)
    System.Reflection.Primitives (4.3) - restriction: || (&& (== net471) (< net45)) (== net8.0) (== net8.0-windows10.0.17763.0) (== netstandard2.0)
      Microsoft.NETCore.Platforms (>= 1.1) - restriction: || (&& (== net471) (< net45)) (== net8.0) (== net8.0-windows10.0.17763.0) (== netstandard2.0)
      Microsoft.NETCore.Targets (>= 1.1) - restriction: || (&& (== net471) (< net45)) (== net8.0) (== net8.0-windows10.0.17763.0) (== netstandard2.0)
      System.Runtime (>= 4.3) - restriction: || (&& (== net471) (< net45)) (== net8.0) (== net8.0-windows10.0.17763.0) (== netstandard2.0)
    System.Reflection.TypeExtensions (4.7)
    System.Resources.ResourceManager (4.3) - restriction: || (&& (== net471) (< net45)) (== net8.0) (== net8.0-windows10.0.17763.0) (== netstandard2.0)
      Microsoft.NETCore.Platforms (>= 1.1) - restriction: || (&& (== net471) (< net45)) (== net8.0) (== net8.0-windows10.0.17763.0) (== netstandard2.0)
      Microsoft.NETCore.Targets (>= 1.1) - restriction: || (&& (== net471) (< net45)) (== net8.0) (== net8.0-windows10.0.17763.0) (== netstandard2.0)
      System.Globalization (>= 4.3) - restriction: || (&& (== net471) (< net45)) (== net8.0) (== net8.0-windows10.0.17763.0) (== netstandard2.0)
      System.Reflection (>= 4.3) - restriction: || (&& (== net471) (< net45)) (== net8.0) (== net8.0-windows10.0.17763.0) (== netstandard2.0)
      System.Runtime (>= 4.3) - restriction: || (&& (== net471) (< net45)) (== net8.0) (== net8.0-windows10.0.17763.0) (== netstandard2.0)
    System.Runtime (4.3.1) - restriction: || (&& (== net471) (< net45)) (== net8.0) (== net8.0-windows10.0.17763.0) (== netstandard2.0)
      Microsoft.NETCore.Platforms (>= 1.1.1) - restriction: || (&& (== net471) (< net45)) (== net8.0) (== net8.0-windows10.0.17763.0) (== netstandard2.0)
      Microsoft.NETCore.Targets (>= 1.1.3) - restriction: || (&& (== net471) (< net45)) (== net8.0) (== net8.0-windows10.0.17763.0) (== netstandard2.0)
    System.Runtime.CompilerServices.Unsafe (6.0)
    System.Runtime.Extensions (4.3.1) - restriction: || (&& (== net471) (< net45)) (== net8.0) (== net8.0-windows10.0.17763.0) (== netstandard2.0)
      Microsoft.NETCore.Platforms (>= 1.1.1) - restriction: || (&& (== net471) (< net45)) (== net8.0) (== net8.0-windows10.0.17763.0) (== netstandard2.0)
      Microsoft.NETCore.Targets (>= 1.1.3) - restriction: || (&& (== net471) (< net45)) (== net8.0) (== net8.0-windows10.0.17763.0) (== netstandard2.0)
      System.Runtime (>= 4.3.1) - restriction: || (&& (== net471) (< net45)) (== net8.0) (== net8.0-windows10.0.17763.0) (== netstandard2.0)
    System.Runtime.InteropServices.RuntimeInformation (4.3) - restriction: || (== net471) (&& (== net8.0) (>= net461)) (&& (== net8.0-windows10.0.17763.0) (>= net461)) (&& (== netstandard2.0) (>= net461))
    System.Security.AccessControl (6.0.1) - restriction: || (== net471) (&& (== net8.0) (>= monoandroid) (< netstandard1.3)) (&& (== net8.0) (>= monotouch)) (&& (== net8.0) (>= net461)) (&& (== net8.0) (< net6.0)) (&& (== net8.0) (< netcoreapp2.0)) (&& (== net8.0) (>= uap10.1)) (&& (== net8.0-windows10.0.17763.0) (>= monoandroid) (< netstandard1.3)) (&& (== net8.0-windows10.0.17763.0) (>= monotouch)) (&& (== net8.0-windows10.0.17763.0) (>= net461)) (&& (== net8.0-windows10.0.17763.0) (< net6.0)) (&& (== net8.0-windows10.0.17763.0) (< netcoreapp2.0)) (&& (== net8.0-windows10.0.17763.0) (>= uap10.1)) (== netstandard2.0)
      System.Security.Principal.Windows (>= 5.0) - restriction: || (== net471) (&& (== net8.0) (>= net461)) (&& (== net8.0) (< net6.0)) (&& (== net8.0-windows10.0.17763.0) (>= net461)) (&& (== net8.0-windows10.0.17763.0) (< net6.0)) (== netstandard2.0)
    System.Security.Principal.Windows (5.0) - restriction: || (== net471) (&& (== net8.0) (>= monoandroid) (< netstandard1.3)) (&& (== net8.0) (>= monotouch)) (&& (== net8.0) (>= net461)) (&& (== net8.0) (< net6.0)) (&& (== net8.0) (< netcoreapp2.0)) (&& (== net8.0) (>= uap10.1)) (&& (== net8.0-windows10.0.17763.0) (>= monoandroid) (< netstandard1.3)) (&& (== net8.0-windows10.0.17763.0) (>= monotouch)) (&& (== net8.0-windows10.0.17763.0) (>= net461)) (&& (== net8.0-windows10.0.17763.0) (< net6.0)) (&& (== net8.0-windows10.0.17763.0) (< netcoreapp2.0)) (&& (== net8.0-windows10.0.17763.0) (>= uap10.1)) (== netstandard2.0)
    System.Text.Encoding (4.3) - restriction: || (&& (== net471) (< net45)) (== net8.0) (== net8.0-windows10.0.17763.0) (== netstandard2.0)
      Microsoft.NETCore.Platforms (>= 1.1) - restriction: || (&& (== net471) (< net45)) (== net8.0) (== net8.0-windows10.0.17763.0) (== netstandard2.0)
      Microsoft.NETCore.Targets (>= 1.1) - restriction: || (&& (== net471) (< net45)) (== net8.0) (== net8.0-windows10.0.17763.0) (== netstandard2.0)
      System.Runtime (>= 4.3) - restriction: || (&& (== net471) (< net45)) (== net8.0) (== net8.0-windows10.0.17763.0) (== netstandard2.0)
    System.Text.Encoding.CodePages (8.0)
      System.Memory (>= 4.5.5) - restriction: || (== net471) (&& (== net8.0) (>= net462)) (&& (== net8.0) (< net6.0)) (&& (== net8.0-windows10.0.17763.0) (>= net462)) (&& (== net8.0-windows10.0.17763.0) (< net6.0)) (== netstandard2.0)
      System.Runtime.CompilerServices.Unsafe (>= 6.0) - restriction: || (== net471) (&& (== net8.0) (>= net462)) (&& (== net8.0) (< net6.0)) (&& (== net8.0) (< net7.0)) (&& (== net8.0-windows10.0.17763.0) (>= net462)) (&& (== net8.0-windows10.0.17763.0) (< net6.0)) (&& (== net8.0-windows10.0.17763.0) (< net7.0)) (== netstandard2.0)
    System.Text.Encodings.Web (8.0)
      System.Buffers (>= 4.5.1) - restriction: || (== net471) (&& (== net8.0) (>= net462)) (&& (== net8.0) (< net6.0)) (&& (== net8.0-windows10.0.17763.0) (>= net462)) (&& (== net8.0-windows10.0.17763.0) (< net6.0)) (== netstandard2.0)
      System.Memory (>= 4.5.5) - restriction: || (== net471) (&& (== net8.0) (>= net462)) (&& (== net8.0) (< net6.0)) (&& (== net8.0-windows10.0.17763.0) (>= net462)) (&& (== net8.0-windows10.0.17763.0) (< net6.0)) (== netstandard2.0)
      System.Runtime.CompilerServices.Unsafe (>= 6.0) - restriction: || (== net471) (&& (== net8.0) (>= net462)) (&& (== net8.0) (< net6.0)) (&& (== net8.0) (< net7.0)) (&& (== net8.0-windows10.0.17763.0) (>= net462)) (&& (== net8.0-windows10.0.17763.0) (< net6.0)) (&& (== net8.0-windows10.0.17763.0) (< net7.0)) (== netstandard2.0)
    System.Text.Json (8.0.4)
      Microsoft.Bcl.AsyncInterfaces (>= 8.0) - restriction: || (== net471) (&& (== net8.0) (>= net462)) (&& (== net8.0) (< net6.0)) (&& (== net8.0-windows10.0.17763.0) (>= net462)) (&& (== net8.0-windows10.0.17763.0) (< net6.0)) (== netstandard2.0)
      System.Buffers (>= 4.5.1) - restriction: || (== net471) (&& (== net8.0) (>= net462)) (&& (== net8.0) (< net6.0)) (&& (== net8.0-windows10.0.17763.0) (>= net462)) (&& (== net8.0-windows10.0.17763.0) (< net6.0)) (== netstandard2.0)
      System.Memory (>= 4.5.5) - restriction: || (== net471) (&& (== net8.0) (>= net462)) (&& (== net8.0) (< net6.0)) (&& (== net8.0-windows10.0.17763.0) (>= net462)) (&& (== net8.0-windows10.0.17763.0) (< net6.0)) (== netstandard2.0)
      System.Runtime.CompilerServices.Unsafe (>= 6.0) - restriction: || (== net471) (&& (== net8.0) (>= net462)) (&& (== net8.0) (< net6.0)) (&& (== net8.0) (< net7.0)) (&& (== net8.0-windows10.0.17763.0) (>= net462)) (&& (== net8.0-windows10.0.17763.0) (< net6.0)) (&& (== net8.0-windows10.0.17763.0) (< net7.0)) (== netstandard2.0)
      System.Text.Encodings.Web (>= 8.0)
      System.Threading.Tasks.Extensions (>= 4.5.4) - restriction: || (== net471) (&& (== net8.0) (>= net462)) (&& (== net8.0) (< net6.0)) (&& (== net8.0-windows10.0.17763.0) (>= net462)) (&& (== net8.0-windows10.0.17763.0) (< net6.0)) (== netstandard2.0)
      System.ValueTuple (>= 4.5) - restriction: || (== net471) (&& (== net8.0) (>= net462)) (&& (== net8.0-windows10.0.17763.0) (>= net462)) (&& (== netstandard2.0) (>= net462))
    System.Threading (4.3) - restriction: || (&& (== net471) (< net45)) (== net8.0) (== net8.0-windows10.0.17763.0) (== netstandard2.0)
      System.Runtime (>= 4.3) - restriction: || (&& (== net471) (< net45)) (== net8.0) (== net8.0-windows10.0.17763.0) (== netstandard2.0)
      System.Threading.Tasks (>= 4.3) - restriction: || (&& (== net471) (< net45)) (== net8.0) (== net8.0-windows10.0.17763.0) (== netstandard2.0)
    System.Threading.Tasks (4.3) - restriction: || (&& (== net471) (< net45)) (== net8.0) (== net8.0-windows10.0.17763.0) (== netstandard2.0)
      Microsoft.NETCore.Platforms (>= 1.1) - restriction: || (&& (== net471) (< net45)) (== net8.0) (== net8.0-windows10.0.17763.0) (== netstandard2.0)
      Microsoft.NETCore.Targets (>= 1.1) - restriction: || (&& (== net471) (< net45)) (== net8.0) (== net8.0-windows10.0.17763.0) (== netstandard2.0)
      System.Runtime (>= 4.3) - restriction: || (&& (== net471) (< net45)) (== net8.0) (== net8.0-windows10.0.17763.0) (== netstandard2.0)
    System.Threading.Tasks.Extensions (4.5.4) - restriction: || (== net471) (&& (== net8.0) (< net6.0)) (&& (== net8.0-windows10.0.17763.0) (< net6.0)) (== netstandard2.0)
      System.Runtime.CompilerServices.Unsafe (>= 4.5.3) - restriction: || (== net471) (&& (== net8.0) (>= net461)) (&& (== net8.0) (< netcoreapp2.1)) (&& (== net8.0) (< netstandard1.0)) (&& (== net8.0) (< netstandard2.0)) (&& (== net8.0) (>= wp8)) (&& (== net8.0-windows10.0.17763.0) (>= net461)) (&& (== net8.0-windows10.0.17763.0) (< netcoreapp2.1)) (&& (== net8.0-windows10.0.17763.0) (< netstandard1.0)) (&& (== net8.0-windows10.0.17763.0) (< netstandard2.0)) (&& (== net8.0-windows10.0.17763.0) (>= wp8)) (== netstandard2.0)
    System.ValueTuple (4.5) - restriction: || (== net471) (&& (== net8.0) (>= net462)) (&& (== net8.0-windows10.0.17763.0) (>= net462)) (&& (== netstandard2.0) (>= net462))
    Ultz.Bcl.Half (1.0) - restriction: || (== net471) (&& (== net8.0) (< net5.0)) (&& (== net8.0) (>= net6.0-android)) (&& (== net8.0) (>= net6.0-ios)) (&& (== net8.0) (< netcoreapp3.1)) (&& (== net8.0) (< netstandard2.1)) (&& (== net8.0-windows10.0.17763.0) (< net5.0)) (&& (== net8.0-windows10.0.17763.0) (>= net6.0-android)) (&& (== net8.0-windows10.0.17763.0) (>= net6.0-ios)) (&& (== net8.0-windows10.0.17763.0) (< netcoreapp3.1)) (&& (== net8.0-windows10.0.17763.0) (< netstandard2.1)) (== netstandard2.0)
      Ultz.Bcl.Half.Fallback (>= 1.0) - restriction: || (== net471) (&& (== net8.0) (< net5.0)) (&& (== net8.0-windows10.0.17763.0) (< net5.0)) (== netstandard2.0)
    Ultz.Bcl.Half.Fallback (1.0) - restriction: || (== net471) (&& (== net8.0) (< net5.0)) (&& (== net8.0) (< netcoreapp3.1)) (&& (== net8.0) (< netstandard2.1)) (&& (== net8.0-windows10.0.17763.0) (< net5.0)) (&& (== net8.0-windows10.0.17763.0) (< netcoreapp3.1)) (&& (== net8.0-windows10.0.17763.0) (< netstandard2.1)) (== netstandard2.0)
      System.Memory (>= 4.5.4)
      System.Runtime.CompilerServices.Unsafe (>= 4.7.1)
    Ultz.Native.GLFW (3.4)
    Unofficial.LibTessDotNet (2.0.2)
    Unofficial.OpenTK (3.0.21)
    Unofficial.OpenTK.GLControl (3.0.21)
      Unofficial.OpenTK (3.0.21)
    Unofficial.OpenVR (1.1)
    Unofficial.Typography (0.1)
      System.Numerics.Vectors (>= 4.5)
    YoloDev.Expecto.TestSdk (0.13.3)
      Expecto (>= 9.0 < 10.0) - restriction: || (&& (== net471) (>= netcoreapp3.1)) (== net8.0) (== net8.0-windows10.0.17763.0) (&& (== netstandard2.0) (>= netcoreapp3.1))
      FSharp.Core (>= 4.6.2) - restriction: || (&& (== net471) (>= netcoreapp3.1)) (== net8.0) (== net8.0-windows10.0.17763.0) (&& (== netstandard2.0) (>= netcoreapp3.1))
      System.Collections.Immutable (>= 6.0) - restriction: || (&& (== net471) (>= netcoreapp3.1)) (== net8.0) (== net8.0-windows10.0.17763.0) (&& (== netstandard2.0) (>= netcoreapp3.1))
